{
    "Modality":"MR",
    "MagneticFieldStrength":3,
    "ImagingFrequency":123.261,
    "Manufacturer":"Siemens",
    "ManufacturersModelName":"Prisma",
    "InstitutionName":"Yale University - Dunham Lab. Bldg.",
    "InstitutionalDepartmentName":"Department",
    "InstitutionAddress":"Hillhouse Ave. 10,New Haven ,Northeast,US,06519",
    "DeviceSerialNumber":"166095",
    "StationName":"AWP166095",
    "BodyPartExamined":"BRAIN",
    "PatientPosition":"HFS",
    "ProcedureStepDescription":"PCY",
    "SoftwareVersions":"syngo MR E11",
    "MRAcquisitionType":"3D",
    "SeriesDescription":"T1_MEMPRAGE_GSP_vNavTrk RMS",
    "ProtocolName":"T1_MEMPRAGE_GSP_vNavTrk",
    "ScanningSequence":"GR\\IR",
    "SequenceVariant":"SK\\SP\\MP",
    "ScanOptions":"IR\\PFP",
    "SequenceName":"tfl3d4_16ns",
    "ImageType":[
        "ORIGINAL",
        "PRIMARY",
        "OTHER",
        "ND",
        "NORM",
        "MEAN"
    ],
    "SeriesNumber":12,
    "AcquisitionTime":"12:17:50.607500",
    "AcquisitionNumber":1,
    "SliceThickness":1.2,
    "SAR":0.0351738,
    "NumberOfAverages":4,
    "EchoTime":0.00157,
    "RepetitionTime":2.2,
    "InversionTime":1.1,
    "FlipAngle":7,
    "PartialFourier":0.75,
    "BaseResolution":192,
    "ShimSetting":[
        -2112,
        -618,
        -4023,
        406,
        31,
        -192,
        -140,
        13
    ],
    "TxRefAmp":213.886,
    "PhaseResolution":1,
    "ReceiveCoilName":"HeadNeck_64",
    "ReceiveCoilActiveElements":"HC1-7;NC1,2",
    "PulseSequenceDetails":"%CustomerSeq%\\tfl_mgh_epinav_ABCD",
    "WipMemBlock":"Prisma_epi_moco_navigator_ABCD_tfl.prot",
    "RefLinesPE":32,
    "ConsistencyInfo":"N4_VE11C_LATEST_20160120",
    "PercentPhaseFOV":100,
    "PercentSampling":100,
    "PhaseEncodingSteps":145,
    "AcquisitionMatrixPE":192,
    "ReconMatrixPE":192,
    "ParallelReductionFactorInPlane":4,
    "PixelBandwidth":650,
    "DwellTime":4e-06,
    "ImageOrientationPatientDICOM":[
        -0.02469,
        0.957613,
        -0.286999,
        0.0457657,
        -0.285703,
        -0.957225
    ],
    "InPlanePhaseEncodingDirectionDICOM":"ROW",
    "ConversionSoftware":"dcm2niix",
    "ConversionSoftwareVersion":"v1.0.20210317"
}