{
	"Modality": "MR",
	"MagneticFieldStrength": 3,
	"Manufacturer": "Siemens",
	"ManufacturersModelName": "Prisma",
	"InstitutionName": "Yale_University_-_Dunham_Lab._Bldg.",
	"InstitutionalDepartmentName": "Department",
	"InstitutionAddress": "Hillhouse_Ave._10_New_Haven_Northeast_US_06519",
	"DeviceSerialNumber": "166095",
	"StationName": "AWP166095",
	"BodyPartExamined": "BRAIN",
	"PatientPosition": "HFS",
	"ProcedureStepDescription": "PCY",
	"SoftwareVersions": "syngo_MR_E11",
	"MRAcquisitionType": "2D",
	"SeriesDescription": "SpinEchoFieldMap_AP",
	"ProtocolName": "SpinEchoFieldMap_AP",
	"ScanningSequence": "EP",
	"SequenceVariant": "SK",
	"ScanOptions": "FS",
	"SequenceName": "epse2d1_104",
	"ImageType": ["ORIGINAL", "PRIMARY", "M", "ND", "MOSAIC"],
	"SeriesNumber": 17,
	"AcquisitionTime": "09:56:38.910000",
	"AcquisitionNumber": 1,
	"SliceThickness": 2,
	"SpacingBetweenSlices": 2,
	"SAR": 0.135184,
	"EchoTime": 0.066,
	"RepetitionTime": 8,
	"FlipAngle": 90,
	"PartialFourier": 1,
	"BaseResolution": 104,
	"ShimSetting": [
		-2157,
		-575,
		-4042,
		296,
		-50,
		-168,
		11,
		57	],
	"TxRefAmp": 235.701,
	"PhaseResolution": 1,
	"VendorReportedEchoSpacing": 0.00058,
	"ReceiveCoilName": "HeadNeck_64",
	"ReceiveCoilActiveElements": "HC1-7;NC1,2",
	"PulseSequenceDetails": "%CustomerSeq%_cmrr_mbep2d_se",
	"ConsistencyInfo": "N4_VE11C_LATEST_20160120",
	"PercentPhaseFOV": 100,
	"EchoTrainLength": 104,
	"PhaseEncodingSteps": 104,
	"AcquisitionMatrixPE": 104,
	"ReconMatrixPE": 104,
	"BandwidthPerPixelPhaseEncode": 16.578,
	"EffectiveEchoSpacing": 0.000580009,
	"DerivedVendorReportedEchoSpacing": 0.000580009,
	"TotalReadoutTime": 0.0597409,
	"PixelBandwidth": 2290,
	"DwellTime": 2.1e-06,
	"PhaseEncodingDirection": "j-",
	"SliceTiming": [
		3.99,
		0,
		4.1,
		0.11,
		4.21,
		0.22,
		4.3225,
		0.3325,
		4.4325,
		0.4425,
		4.5425,
		0.5525,
		4.655,
		0.665,
		4.765,
		0.775,
		4.875,
		0.885,
		4.9875,
		0.9975,
		5.0975,
		1.1075,
		5.2075,
		1.2175,
		5.32,
		1.33,
		5.43,
		1.44,
		5.54,
		1.55,
		5.6525,
		1.6625,
		5.7625,
		1.7725,
		5.8725,
		1.8825,
		5.985,
		1.995,
		6.095,
		2.105,
		6.205,
		2.215,
		6.3175,
		2.3275,
		6.4275,
		2.4375,
		6.5375,
		2.5475,
		6.65,
		2.66,
		6.76,
		2.77,
		6.87,
		2.88,
		6.9825,
		2.9925,
		7.0925,
		3.1025,
		7.2025,
		3.2125,
		7.315,
		3.325,
		7.425,
		3.435,
		7.535,
		3.545,
		7.6475,
		3.6575,
		7.7575,
		3.7675,
		7.8675,
		3.8775	],
	"ImageOrientationPatientDICOM": [
		0.999887,
		-0.0034769,
		-0.0146511,
		-0.00296673,
		0.90842,
		-0.418048	],
	"InPlanePhaseEncodingDirectionDICOM": "COL",
	"ConversionSoftware": "dcm2niix",
	"ConversionSoftwareVersion": "v1.0.20171215 (OpenJPEG build) GCC4.8.4"
}
