{
    "Modality":"MR",
    "MagneticFieldStrength":3,
    "ImagingFrequency":123.261,
    "Manufacturer":"Siemens",
    "ManufacturersModelName":"Prisma",
    "InstitutionName":"Yale University - Dunham Lab. Bldg.",
    "InstitutionalDepartmentName":"Department",
    "InstitutionAddress":"Hillhouse Ave. 10,New Haven ,Northeast,US,06519",
    "DeviceSerialNumber":"166095",
    "StationName":"AWP166095",
    "BodyPartExamined":"BRAIN",
    "PatientPosition":"HFS",
    "ProcedureStepDescription":"Holmes^PCY",
    "SoftwareVersions":"syngo MR E11",
    "MRAcquisitionType":"3D",
    "SeriesDescription":"T2_SPACE_GSP_vNavTrk",
    "ProtocolName":"T2_SPACE_GSP_vNavTrk",
    "ScanningSequence":"SE",
    "SequenceVariant":"SK\\SP",
    "ScanOptions":"PFP",
    "SequenceName":"spc_212ns",
    "ImageType":[
        "ORIGINAL",
        "PRIMARY",
        "M",
        "ND",
        "NORM"
    ],
    "SeriesNumber":16,
    "AcquisitionTime":"11:51:4.472500",
    "AcquisitionNumber":1,
    "SliceThickness":1.2,
    "SAR":0.154098,
    "EchoTime":0.326,
    "RepetitionTime":2.8,
    "FlipAngle":120,
    "PartialFourier":1,
    "BaseResolution":192,
    "ShimSetting":[
        -2106,
        -648,
        -4000,
        445,
        6,
        -213,
        79,
        0
    ],
    "TxRefAmp":211.042,
    "PhaseResolution":1,
    "ReceiveCoilName":"HeadNeck_64",
    "ReceiveCoilActiveElements":"HC1-7;NC1,2",
    "PulseSequenceDetails":"%CustomerSeq%\\tse_vfl_mgh_epinav_ABCD",
    "WipMemBlock":"Prisma_epi_moco_navigator_ABCD_tse_vfl.prot",
    "RefLinesPE":24,
    "ConsistencyInfo":"N4_VE11C_LATEST_20160120",
    "PercentPhaseFOV":100,
    "PercentSampling":100,
    "EchoTrainLength":199,
    "PhaseEncodingSteps":179,
    "AcquisitionMatrixPE":192,
    "ReconMatrixPE":192,
    "ParallelReductionFactorInPlane":2,
    "PixelBandwidth":650,
    "DwellTime":4e-06,
    "PhaseEncodingDirection":"i",
    "ImageOrientationPatientDICOM":[
        0.0297284,
        0.995798,
        -0.0866225,
        0.0138675,
        -0.0870633,
        -0.996106
    ],
    "InPlanePhaseEncodingDirectionDICOM":"ROW",
    "ConversionSoftware":"dcm2niix",
    "ConversionSoftwareVersion":"v1.0.20210317"
}