{
    "AcquisitionMatrixPE": 192,
    "AcquisitionNumber": 1,
    "AcquisitionTime": "09:05:25.492500",
    "BaseResolution": 192,
    "BodyPartExamined": "BRAIN",
    "ConsistencyInfo": "N4_VE11C_LATEST_20160120",
    "ConversionSoftware": "dcm2niix",
    "ConversionSoftwareVersion": "v1.0.20210317",
    "DeviceSerialNumber": "166095",
    "DwellTime": 4e-06,
    "EchoTime": 0.326,
    "EchoTrainLength": 199,
    "FlipAngle": 120,
    "ImageOrientationPatientDICOM": [
        -0.0271886,
        0.933169,
        -0.358408,
        -0.0323107,
        -0.359173,
        -0.932711
    ],
    "ImageType": [
        "ORIGINAL",
        "PRIMARY",
        "M",
        "ND",
        "NORM"
    ],
    "ImagingFrequency": 123.261,
    "InPlanePhaseEncodingDirectionDICOM": "ROW",
    "InstitutionAddress": "Hillhouse Ave. 10,New Haven ,Northeast,US,06519",
    "InstitutionName": "Yale University - Dunham Lab. Bldg.",
    "InstitutionalDepartmentName": "Department",
    "MRAcquisitionType": "3D",
    "MagneticFieldStrength": 3,
    "Manufacturer": "Siemens",
    "ManufacturersModelName": "Prisma",
    "Modality": "MR",
    "ParallelReductionFactorInPlane": 2,
    "PartialFourier": 1,
    "PatientPosition": "HFS",
    "PercentPhaseFOV": 100,
    "PercentSampling": 100,
    "PhaseEncodingDirection": "i",
    "PhaseEncodingSteps": 179,
    "PhaseResolution": 1,
    "PixelBandwidth": 650,
    "ProcedureStepDescription": "PCY",
    "ProtocolName": "T2_SPACE_GSP_vNavTrk",
    "PulseSequenceDetails": "%CustomerSeq%\\tse_vfl_mgh_epinav_ABCD",
    "ReceiveCoilActiveElements": "HC1-7;NC1,2",
    "ReceiveCoilName": "HeadNeck_64",
    "ReconMatrixPE": 192,
    "RefLinesPE": 24,
    "RepetitionTime": 2.8,
    "SAR": 0.151105,
    "ScanOptions": "PFP",
    "ScanningSequence": "SE",
    "SequenceName": "spc_212ns",
    "SequenceVariant": "SK\\SP",
    "SeriesDescription": "T2_SPACE_GSP_vNavTrk",
    "SeriesNumber": 16,
    "ShimSetting": [
        -2145,
        -583,
        -4054,
        293,
        53,
        -123,
        -196,
        68
    ],
    "SliceThickness": 1.2,
    "SoftwareVersions": "syngo MR E11",
    "StationName": "AWP166095",
    "TxRefAmp": 214.995,
    "WipMemBlock": "Prisma_epi_moco_navigator_ABCD_tse_vfl.prot"
}