{
    "Modality":"MR",
    "MagneticFieldStrength":3,
    "ImagingFrequency":123.257,
    "Manufacturer":"Siemens",
    "ManufacturersModelName":"Prisma",
    "DeviceSerialNumber":"66094",
    "BodyPartExamined":"BRAIN",
    "PatientPosition":"HFS",
    "ProcedureStepDescription":"MRI RESEARCH",
    "SoftwareVersions":"syngo MR E11",
    "MRAcquisitionType":"3D",
    "SeriesDescription":"T2_SPACE_GSP_vNavTrk",
    "ProtocolName":"T2_SPACE_GSP_vNavTrk",
    "ScanningSequence":"SE",
    "SequenceVariant":"SK\\SP",
    "ScanOptions":"PFP",
    "SequenceName":"spc_212ns",
    "ImageType":[
        "ORIGINAL",
        "PRIMARY",
        "M",
        "ND",
        "NORM"
    ],
    "SeriesNumber":16,
    "AcquisitionTime":"14:38:2.562500",
    "AcquisitionNumber":1,
    "SliceThickness":1.2,
    "SAR":0.186128,
    "EchoTime":0.326,
    "RepetitionTime":2.8,
    "FlipAngle":120,
    "PartialFourier":1,
    "BaseResolution":192,
    "ShimSetting":[
        2830,
        -11892,
        -5829,
        550,
        -56,
        -318,
        -47,
        67
    ],
    "TxRefAmp":241.234,
    "PhaseResolution":1,
    "ReceiveCoilName":"HeadNeck_64",
    "ReceiveCoilActiveElements":"HC1-7;NC1,2",
    "PulseSequenceDetails":"%CustomerSeq%\\tse_vfl_mgh_epinav_ABCD",
    "WipMemBlock":"Prisma_epi_moco_navigator_ABCD_tse_vfl.prot",
    "RefLinesPE":24,
    "ConsistencyInfo":"N4_VE11C_LATEST_20160120",
    "PercentPhaseFOV":100,
    "PercentSampling":100,
    "EchoTrainLength":199,
    "PhaseEncodingSteps":179,
    "AcquisitionMatrixPE":192,
    "ReconMatrixPE":192,
    "ParallelReductionFactorInPlane":2,
    "PixelBandwidth":650,
    "DwellTime":4e-06,
    "PhaseEncodingDirection":"i",
    "ImageOrientationPatientDICOM":[
        -0.0716013,
        0.945206,
        -0.318527,
        -0.0561533,
        -0.32266,
        -0.944848
    ],
    "InPlanePhaseEncodingDirectionDICOM":"ROW",
    "ConversionSoftware":"dcm2niix",
    "ConversionSoftwareVersion":"v1.0.20210317"
}