{
    "AcquisitionMatrixPE": 192,
    "AcquisitionNumber": 1,
    "AcquisitionTime": "16:44:50.612500",
    "BaseResolution": 192,
    "BodyPartExamined": "BRAIN",
    "ConsistencyInfo": "N4_VE11C_LATEST_20160120",
    "ConversionSoftware": "dcm2niix",
    "ConversionSoftwareVersion": "v1.0.20210317",
    "DeviceSerialNumber": "66094",
    "DwellTime": 4e-06,
    "EchoTime": 0.00157,
    "FlipAngle": 7,
    "ImageOrientationPatientDICOM": [
        -0.0349272,
        0.91689,
        -0.397609,
        0.00430054,
        -0.39771,
        -0.917501
    ],
    "ImageType": [
        "ORIGINAL",
        "PRIMARY",
        "OTHER",
        "ND",
        "NORM",
        "MEAN"
    ],
    "ImagingFrequency": 123.258,
    "InPlanePhaseEncodingDirectionDICOM": "ROW",
    "InversionTime": 1.1,
    "MRAcquisitionType": "3D",
    "MagneticFieldStrength": 3,
    "Manufacturer": "Siemens",
    "ManufacturersModelName": "Prisma",
    "Modality": "MR",
    "NumberOfAverages": 4,
    "ParallelReductionFactorInPlane": 4,
    "PartialFourier": 0.75,
    "PatientPosition": "HFS",
    "PercentPhaseFOV": 100,
    "PercentSampling": 100,
    "PhaseEncodingSteps": 145,
    "PhaseResolution": 1,
    "PixelBandwidth": 650,
    "ProcedureStepDescription": "MRI RESEARCH",
    "ProtocolName": "T1_MEMPRAGE_GSP_vNavTrk",
    "PulseSequenceDetails": "%CustomerSeq%\\tfl_mgh_epinav_ABCD",
    "ReceiveCoilActiveElements": "HC1-7;NC1,2",
    "ReceiveCoilName": "HeadNeck_64",
    "ReconMatrixPE": 192,
    "RefLinesPE": 32,
    "RepetitionTime": 2.2,
    "SAR": 0.0412514,
    "ScanOptions": "IR\\PFP",
    "ScanningSequence": "GR\\IR",
    "SequenceName": "tfl3d4_16ns",
    "SequenceVariant": "SK\\SP\\MP",
    "SeriesDescription": "T1_MEMPRAGE_GSP_vNavTrk RMS",
    "SeriesNumber": 12,
    "ShimSetting": [
        2918,
        -11920,
        -5819,
        922,
        164,
        -482,
        -872,
        -38
    ],
    "SliceThickness": 1.2,
    "SoftwareVersions": "syngo MR E11",
    "TxRefAmp": 237.903,
    "WipMemBlock": "Prisma_epi_moco_navigator_ABCD_tfl.prot"
}