{
	"Modality": "MR",
	"MagneticFieldStrength": 3,
	"Manufacturer": "Siemens",
	"ManufacturersModelName": "Prisma",
	"DeviceSerialNumber": "66094",
	"BodyPartExamined": "BRAIN",
	"PatientPosition": "HFS",
	"ProcedureStepDescription": "MRI_RESEARCH",
	"SoftwareVersions": "syngo_MR_E11",
	"MRAcquisitionType": "2D",
	"SeriesDescription": "SpinEchoFieldMap_PA",
	"ProtocolName": "SpinEchoFieldMap_PA",
	"ScanningSequence": "EP",
	"SequenceVariant": "SK",
	"ScanOptions": "FS",
	"SequenceName": "epse2d1_104",
	"ImageType": ["ORIGINAL", "PRIMARY", "M", "ND", "MOSAIC"],
	"SeriesNumber": 18,
	"AcquisitionTime": "16:58:26.692500",
	"AcquisitionNumber": 1,
	"SliceThickness": 2,
	"SpacingBetweenSlices": 2,
	"SAR": 0.126552,
	"EchoTime": 0.066,
	"RepetitionTime": 8,
	"FlipAngle": 90,
	"PartialFourier": 1,
	"BaseResolution": 104,
	"ShimSetting": [
		1607,
		-9930,
		-3912,
		333,
		91,
		-95,
		-31,
		-4	],
	"TxRefAmp": 258.81,
	"PhaseResolution": 1,
	"VendorReportedEchoSpacing": 0.00058,
	"ReceiveCoilName": "HeadNeck_64",
	"ReceiveCoilActiveElements": "HC1-7;NC1,2",
	"PulseSequenceDetails": "%CustomerSeq%_hcp_mbep2d_se",
	"ConsistencyInfo": "N4_VE11C_LATEST_20160120",
	"PercentPhaseFOV": 100,
	"EchoTrainLength": 104,
	"PhaseEncodingSteps": 104,
	"AcquisitionMatrixPE": 104,
	"ReconMatrixPE": 104,
	"BandwidthPerPixelPhaseEncode": 16.578,
	"EffectiveEchoSpacing": 0.000580009,
	"DerivedVendorReportedEchoSpacing": 0.000580009,
	"TotalReadoutTime": 0.0597409,
	"PixelBandwidth": 2290,
	"DwellTime": 2.1e-06,
	"PhaseEncodingDirection": "j",
	"SliceTiming": [
		3.99,
		0,
		4.1,
		0.11,
		4.2125,
		0.2225,
		4.3225,
		0.3325,
		4.4325,
		0.4425,
		4.545,
		0.555,
		4.655,
		0.665,
		4.765,
		0.775,
		4.8775,
		0.8875,
		4.9875,
		0.9975,
		5.0975,
		1.1075,
		5.21,
		1.22,
		5.32,
		1.33,
		5.43,
		1.44,
		5.5425,
		1.5525,
		5.6525,
		1.6625,
		5.7625,
		1.7725,
		5.875,
		1.885,
		5.985,
		1.995,
		6.095,
		2.105,
		6.2075,
		2.2175,
		6.3175,
		2.3275,
		6.4275,
		2.4375,
		6.54,
		2.55,
		6.65,
		2.66,
		6.76,
		2.77,
		6.8725,
		2.8825,
		6.9825,
		2.9925,
		7.0925,
		3.1025,
		7.205,
		3.215,
		7.315,
		3.325,
		7.425,
		3.435,
		7.5375,
		3.5475,
		7.6475,
		3.6575,
		7.7575,
		3.7675,
		7.87,
		3.88	],
	"ImageOrientationPatientDICOM": [
		0.998876,
		0.0456797,
		0.0126557,
		-0.0373254,
		0.922579,
		-0.383998	],
	"InPlanePhaseEncodingDirectionDICOM": "COL",
	"ConversionSoftware": "dcm2niix",
	"ConversionSoftwareVersion": "v1.0.20171215 (OpenJPEG build) GCC4.8.4"
}
