{
    "Modality":"MR",
    "MagneticFieldStrength":3,
    "ImagingFrequency":123.257,
    "Manufacturer":"Siemens",
    "ManufacturersModelName":"Prisma",
    "InstitutionName":"MCL",
    "InstitutionalDepartmentName":"Department",
    "InstitutionAddress":"Mill Street 115,Belmont,Boston,US,02478",
    "DeviceSerialNumber":"66094",
    "StationName":"AWP66094",
    "BodyPartExamined":"BRAIN",
    "PatientPosition":"HFS",
    "ProcedureStepDescription":"MRI RESEARCH",
    "SoftwareVersions":"syngo MR E11",
    "MRAcquisitionType":"3D",
    "SeriesDescription":"T2_SPACE_GSP_vNavTrk",
    "ProtocolName":"T2_SPACE_GSP_vNavTrk",
    "ScanningSequence":"SE",
    "SequenceVariant":"SK\\SP",
    "ScanOptions":"PFP",
    "SequenceName":"spc_212ns",
    "ImageType":[
        "ORIGINAL",
        "PRIMARY",
        "M",
        "ND",
        "NORM"
    ],
    "SeriesNumber":29,
    "AcquisitionTime":"17:52:47.202500",
    "AcquisitionNumber":1,
    "SliceThickness":1.2,
    "SAR":0.190603,
    "EchoTime":0.326,
    "RepetitionTime":2.8,
    "FlipAngle":120,
    "PartialFourier":1,
    "BaseResolution":192,
    "ShimSetting":[
        2869,
        -11964,
        -5750,
        -300,
        -2,
        -47,
        151,
        4
    ],
    "TxRefAmp":300.524,
    "PhaseResolution":1,
    "ReceiveCoilName":"HeadNeck_64",
    "ReceiveCoilActiveElements":"HC1-7;NC1,2",
    "PulseSequenceDetails":"%CustomerSeq%\\tse_vfl_mgh_epinav_ABCD",
    "WipMemBlock":"Prisma_epi_moco_navigator_ABCD_tse_vfl.prot",
    "RefLinesPE":24,
    "ConsistencyInfo":"N4_VE11C_LATEST_20160120",
    "PercentPhaseFOV":100,
    "PercentSampling":100,
    "EchoTrainLength":199,
    "PhaseEncodingSteps":179,
    "AcquisitionMatrixPE":192,
    "ReconMatrixPE":192,
    "ParallelReductionFactorInPlane":2,
    "PixelBandwidth":650,
    "DwellTime":4e-06,
    "PhaseEncodingDirection":"i",
    "ImageOrientationPatientDICOM":[
        0.0200638,
        0.99877,
        -0.0453456,
        0.0268461,
        -0.0458765,
        -0.998586
    ],
    "InPlanePhaseEncodingDirectionDICOM":"ROW",
    "ConversionSoftware":"dcm2niix",
    "ConversionSoftwareVersion":"v1.0.20210317"
}