{
    "AcquisitionMatrixPE": 104,
    "AcquisitionNumber": 1,
    "AcquisitionTime": "09:04:18.750000",
    "BandwidthPerPixelPhaseEncode": 16.578,
    "BaseResolution": 104,
    "BodyPartExamined": "BRAIN",
    "ConsistencyInfo": "N4_VE11C_LATEST_20160120",
    "ConversionSoftware": "dcm2niix",
    "ConversionSoftwareVersion": "v1.0.20210317",
    "DerivedVendorReportedEchoSpacing": 0.000580009,
    "DeviceSerialNumber": "166095",
    "DwellTime": 2.1e-06,
    "EchoTime": 0.037,
    "EchoTrainLength": 104,
    "EffectiveEchoSpacing": 0.000580009,
    "FlipAngle": 52,
    "ImageComments": "Unaliased MB8/PE3/LB",
    "ImageOrientationPatientDICOM": [
        0.999852,
        -0.00928716,
        0.0144546,
        0.0130887,
        0.956735,
        -0.290666
    ],
    "ImageType": [
        "ORIGINAL",
        "PRIMARY",
        "M",
        "MB",
        "ND",
        "MOSAIC"
    ],
    "ImagingFrequency": 123.261,
    "InPlanePhaseEncodingDirectionDICOM": "COL",
    "InstitutionAddress": "Hillhouse Ave. 10,New Haven ,Northeast,US,06519",
    "InstitutionName": "Yale University - Dunham Lab. Bldg.",
    "InstitutionalDepartmentName": "Department",
    "MRAcquisitionType": "2D",
    "MagneticFieldStrength": 3,
    "Manufacturer": "Siemens",
    "ManufacturersModelName": "Prisma",
    "Modality": "MR",
    "MultibandAccelerationFactor": 8,
    "PartialFourier": 1,
    "PatientPosition": "HFS",
    "PercentPhaseFOV": 100,
    "PercentSampling": 100,
    "PhaseEncodingDirection": "j-",
    "PhaseEncodingSteps": 104,
    "PhaseResolution": 1,
    "PixelBandwidth": 2290,
    "ProcedureStepDescription": "PCY",
    "ProtocolName": "Stroop_Bl1_AP",
    "PulseSequenceDetails": "%CustomerSeq%\\cmrr_mbep2d_bold",
    "ReceiveCoilActiveElements": "HC1-7;NC1,2",
    "ReceiveCoilName": "HeadNeck_64",
    "ReconMatrixPE": 104,
    "RepetitionTime": 0.8,
    "SAR": 0.0659317,
    "ScanOptions": "FS\\EXT",
    "ScanningSequence": "EP",
    "SequenceName": "epfid2d1_104",
    "SequenceVariant": "SK\\SS",
    "SeriesDescription": "Stroop_Bl1_AP",
    "SeriesNumber": 26,
    "ShimSetting": [
        -2112,
        -626,
        -4017,
        405,
        14,
        -55,
        24,
        41
    ],
    "SliceThickness": 2,
    "SliceTiming": [
        0,
        0.435,
        0.0875,
        0.52,
        0.175,
        0.6075,
        0.26,
        0.695,
        0.3475,
        0,
        0.435,
        0.0875,
        0.52,
        0.175,
        0.6075,
        0.26,
        0.695,
        0.3475,
        0,
        0.435,
        0.0875,
        0.52,
        0.175,
        0.6075,
        0.26,
        0.695,
        0.3475,
        0,
        0.435,
        0.0875,
        0.52,
        0.175,
        0.6075,
        0.26,
        0.695,
        0.3475,
        0,
        0.435,
        0.0875,
        0.52,
        0.175,
        0.6075,
        0.26,
        0.695,
        0.3475,
        0,
        0.435,
        0.0875,
        0.52,
        0.175,
        0.6075,
        0.26,
        0.695,
        0.3475,
        0,
        0.435,
        0.0875,
        0.52,
        0.175,
        0.6075,
        0.26,
        0.695,
        0.3475,
        0,
        0.435,
        0.0875,
        0.52,
        0.175,
        0.6075,
        0.26,
        0.695,
        0.3475
    ],
    "SoftwareVersions": "syngo MR E11",
    "SpacingBetweenSlices": 2,
    "StationName": "AWP166095",
    "TaskName": "stroopAP",
    "TotalReadoutTime": 0.0597409,
    "TxRefAmp": 233.907,
    "WipMemBlock": "4c14cb7c-42e2-4daa-aa93-7203f3af7532||Sequence: R016 ve11c/master r/e634e98; Dec 19 2017 11:00:25 by eja"
}