{
    "AcquisitionMatrixPE": 192,
    "AcquisitionNumber": 1,
    "AcquisitionTime": "15:10:35.537500",
    "BaseResolution": 192,
    "BodyPartExamined": "BRAIN",
    "ConsistencyInfo": "N4_VE11C_LATEST_20160120",
    "ConversionSoftware": "dcm2niix",
    "ConversionSoftwareVersion": "v1.0.20210317",
    "DeviceSerialNumber": "66094",
    "DwellTime": 4e-06,
    "EchoTime": 0.326,
    "EchoTrainLength": 199,
    "FlipAngle": 120,
    "ImageOrientationPatientDICOM": [
        -0.0605553,
        0.88607,
        -0.45958,
        -0.0191847,
        -0.461373,
        -0.886999
    ],
    "ImageType": [
        "ORIGINAL",
        "PRIMARY",
        "M",
        "ND",
        "NORM"
    ],
    "ImagingFrequency": 123.257,
    "InPlanePhaseEncodingDirectionDICOM": "ROW",
    "MRAcquisitionType": "3D",
    "MagneticFieldStrength": 3,
    "Manufacturer": "Siemens",
    "ManufacturersModelName": "Prisma",
    "Modality": "MR",
    "ParallelReductionFactorInPlane": 2,
    "PartialFourier": 1,
    "PatientPosition": "HFS",
    "PercentPhaseFOV": 100,
    "PercentSampling": 100,
    "PhaseEncodingDirection": "i",
    "PhaseEncodingSteps": 179,
    "PhaseResolution": 1,
    "PixelBandwidth": 650,
    "ProcedureStepDescription": "MRI RESEARCH",
    "ProtocolName": "T2_SPACE_GSP_vNavTrk",
    "PulseSequenceDetails": "%CustomerSeq%\\tse_vfl_mgh_epinav_ABCD",
    "ReceiveCoilActiveElements": "HC1-7;NC1,2",
    "ReceiveCoilName": "HeadNeck_64",
    "ReconMatrixPE": 192,
    "RefLinesPE": 24,
    "RepetitionTime": 2.8,
    "SAR": 0.157038,
    "ScanOptions": "PFP",
    "ScanningSequence": "SE",
    "SequenceName": "spc_212ns",
    "SequenceVariant": "SK\\SP",
    "SeriesDescription": "T2_SPACE_GSP_vNavTrk",
    "SeriesNumber": 16,
    "ShimSetting": [
        2823,
        -11855,
        -5775,
        219,
        -82,
        -256,
        -41,
        39
    ],
    "SliceThickness": 1.2,
    "SoftwareVersions": "syngo MR E11",
    "TxRefAmp": 226.101,
    "WipMemBlock": "Prisma_epi_moco_navigator_ABCD_tse_vfl.prot"
}