{
    "AcquisitionMatrixPE": 192,
    "AcquisitionNumber": 1,
    "AcquisitionTime": "12:00:16.410000",
    "BaseResolution": 192,
    "BodyPartExamined": "BRAIN",
    "ConsistencyInfo": "N4_VE11C_LATEST_20160120",
    "ConversionSoftware": "dcm2niix",
    "ConversionSoftwareVersion": "v1.0.20210317",
    "DeviceSerialNumber": "66094",
    "DwellTime": 4e-06,
    "EchoTime": 0.326,
    "EchoTrainLength": 199,
    "FlipAngle": 120,
    "ImageOrientationPatientDICOM": [
        -0.0580646,
        0.99043,
        -0.125211,
        -0.0370824,
        -0.127476,
        -0.991148
    ],
    "ImageType": [
        "ORIGINAL",
        "PRIMARY",
        "M",
        "ND",
        "NORM"
    ],
    "ImagingFrequency": 123.257,
    "InPlanePhaseEncodingDirectionDICOM": "ROW",
    "InstitutionAddress": "Mill Street 115,Belmont,Boston,US,02478",
    "InstitutionName": "MCL",
    "InstitutionalDepartmentName": "Department",
    "MRAcquisitionType": "3D",
    "MagneticFieldStrength": 3,
    "Manufacturer": "Siemens",
    "ManufacturersModelName": "Prisma",
    "Modality": "MR",
    "ParallelReductionFactorInPlane": 2,
    "PartialFourier": 1,
    "PatientPosition": "HFS",
    "PercentPhaseFOV": 100,
    "PercentSampling": 100,
    "PhaseEncodingDirection": "i",
    "PhaseEncodingSteps": 179,
    "PhaseResolution": 1,
    "PixelBandwidth": 650,
    "ProcedureStepDescription": "MRI RESEARCH",
    "ProtocolName": "T2_SPACE_GSP_vNavTrk",
    "PulseSequenceDetails": "%CustomerSeq%\\tse_vfl_mgh_epinav_ABCD",
    "ReceiveCoilActiveElements": "HC1-7;NC1,2",
    "ReceiveCoilName": "HeadNeck_64",
    "ReconMatrixPE": 192,
    "RefLinesPE": 24,
    "RepetitionTime": 2.8,
    "SAR": 0.204932,
    "ScanOptions": "PFP",
    "ScanningSequence": "SE",
    "SequenceName": "spc_212ns",
    "SequenceVariant": "SK\\SP",
    "SeriesDescription": "T2_SPACE_GSP_vNavTrk",
    "SeriesNumber": 16,
    "ShimSetting": [
        2830,
        -11916,
        -5771,
        290,
        -49,
        -487,
        74,
        33
    ],
    "SliceThickness": 1.2,
    "SoftwareVersions": "syngo MR E11",
    "StationName": "AWP66094",
    "TxRefAmp": 250.271,
    "WipMemBlock": "Prisma_epi_moco_navigator_ABCD_tse_vfl.prot"
}