{
	"Modality": "MR",
	"MagneticFieldStrength": 3,
	"Manufacturer": "Siemens",
	"ManufacturersModelName": "Prisma",
	"DeviceSerialNumber": "66094",
	"BodyPartExamined": "BRAIN",
	"PatientPosition": "HFS",
	"ProcedureStepDescription": "MRI_RESEARCH",
	"SoftwareVersions": "syngo_MR_E11",
	"MRAcquisitionType": "2D",
	"SeriesDescription": "SpinEchoFieldMap_PA",
	"ProtocolName": "SpinEchoFieldMap_PA",
	"ScanningSequence": "EP",
	"SequenceVariant": "SK",
	"ScanOptions": "FS",
	"SequenceName": "epse2d1_104",
	"ImageType": ["ORIGINAL", "PRIMARY", "M", "ND", "MOSAIC"],
	"SeriesNumber": 18,
	"AcquisitionTime": "14:41:6.967500",
	"AcquisitionNumber": 1,
	"SliceThickness": 2,
	"SpacingBetweenSlices": 2,
	"SAR": 0.138846,
	"EchoTime": 0.066,
	"RepetitionTime": 8,
	"FlipAngle": 90,
	"PartialFourier": 1,
	"BaseResolution": 104,
	"ShimSetting": [
		2830,
		-11892,
		-5829,
		550,
		-56,
		-318,
		-47,
		67	],
	"TxRefAmp": 241.234,
	"PhaseResolution": 1,
	"VendorReportedEchoSpacing": 0.00058,
	"ReceiveCoilName": "HeadNeck_64",
	"ReceiveCoilActiveElements": "HC1-7;NC1,2",
	"PulseSequenceDetails": "%CustomerSeq%_hcp_mbep2d_se",
	"ConsistencyInfo": "N4_VE11C_LATEST_20160120",
	"PercentPhaseFOV": 100,
	"EchoTrainLength": 104,
	"PhaseEncodingSteps": 104,
	"AcquisitionMatrixPE": 104,
	"ReconMatrixPE": 104,
	"BandwidthPerPixelPhaseEncode": 16.578,
	"EffectiveEchoSpacing": 0.000580009,
	"DerivedVendorReportedEchoSpacing": 0.000580009,
	"TotalReadoutTime": 0.0597409,
	"PixelBandwidth": 2290,
	"DwellTime": 2.1e-06,
	"PhaseEncodingDirection": "j",
	"SliceTiming": [
		3.99,
		0,
		4.1,
		0.11,
		4.21,
		0.22,
		4.3225,
		0.3325,
		4.4325,
		0.4425,
		4.5425,
		0.5525,
		4.655,
		0.665,
		4.765,
		0.775,
		4.875,
		0.885,
		4.9875,
		0.9975,
		5.0975,
		1.1075,
		5.2075,
		1.2175,
		5.3175,
		1.33,
		5.43,
		1.44,
		5.54,
		1.55,
		5.65,
		1.6625,
		5.7625,
		1.7725,
		5.8725,
		1.8825,
		5.9825,
		1.995,
		6.095,
		2.105,
		6.205,
		2.215,
		6.315,
		2.3275,
		6.4275,
		2.4375,
		6.5375,
		2.5475,
		6.6475,
		2.66,
		6.76,
		2.77,
		6.87,
		2.88,
		6.98,
		2.9925,
		7.0925,
		3.1025,
		7.2025,
		3.2125,
		7.3125,
		3.325,
		7.425,
		3.435,
		7.535,
		3.545,
		7.645,
		3.6575,
		7.7575,
		3.7675,
		7.8675,
		3.8775	],
	"ImageOrientationPatientDICOM": [
		0.995855,
		0.0497218,
		-0.0761644,
		-0.0715584,
		0.945187,
		-0.318593	],
	"InPlanePhaseEncodingDirectionDICOM": "COL",
	"ConversionSoftware": "dcm2niix",
	"ConversionSoftwareVersion": "v1.0.20171215 (OpenJPEG build) GCC4.8.4"
}
