{
    "Modality":"MR",
    "MagneticFieldStrength":3,
    "ImagingFrequency":123.261,
    "Manufacturer":"Siemens",
    "ManufacturersModelName":"Prisma",
    "InstitutionName":"Yale University - Dunham Lab. Bldg.",
    "InstitutionalDepartmentName":"Department",
    "InstitutionAddress":"Hillhouse Ave. 10,New Haven ,Northeast,US,06519",
    "DeviceSerialNumber":"166095",
    "StationName":"AWP166095",
    "BodyPartExamined":"BRAIN",
    "PatientPosition":"HFS",
    "ProcedureStepDescription":"PCY",
    "SoftwareVersions":"syngo MR E11",
    "MRAcquisitionType":"2D",
    "SeriesDescription":"rfMRI_REST_PA",
    "ProtocolName":"rfMRI_REST_PA",
    "ScanningSequence":"EP",
    "SequenceVariant":"SK\\SS",
    "ScanOptions":"FS\\EXT",
    "SequenceName":"epfid2d1_104",
    "ImageType":[
        "ORIGINAL",
        "PRIMARY",
        "M",
        "MB",
        "ND",
        "MOSAIC"
    ],
    "SeriesNumber":23,
    "AcquisitionTime":"08:43:30.377500",
    "AcquisitionNumber":1,
    "ImageComments":"Unaliased MB8/PE3/LB",
    "SliceThickness":2,
    "SpacingBetweenSlices":2,
    "SAR":0.070087,
    "EchoTime":0.037,
    "RepetitionTime":0.8,
    "FlipAngle":52,
    "PartialFourier":1,
    "BaseResolution":104,
    "ShimSetting":[
        -2120,
        -629,
        -3878,
        524,
        -29,
        -45,
        43,
        73
    ],
    "TxRefAmp":231.384,
    "PhaseResolution":1,
    "ReceiveCoilName":"HeadNeck_64",
    "ReceiveCoilActiveElements":"HC1-7;NC1,2",
    "PulseSequenceDetails":"%CustomerSeq%\\cmrr_mbep2d_bold",
    "WipMemBlock":"67188785-7c8d-4a05-b33b-7fd65ef2dc2c||Sequence: R016 ve11c/master r/e634e98; Dec 19 2017 11:00:25 by eja",
    "ConsistencyInfo":"N4_VE11C_LATEST_20160120",
    "MultibandAccelerationFactor":8,
    "PercentPhaseFOV":100,
    "PercentSampling":100,
    "EchoTrainLength":104,
    "PhaseEncodingSteps":104,
    "AcquisitionMatrixPE":104,
    "ReconMatrixPE":104,
    "BandwidthPerPixelPhaseEncode":16.578,
    "EffectiveEchoSpacing":0.000580009,
    "DerivedVendorReportedEchoSpacing":0.000580009,
    "TotalReadoutTime":0.0597409,
    "PixelBandwidth":2290,
    "DwellTime":2.1e-06,
    "PhaseEncodingDirection":"j",
    "SliceTiming":[
        0,
        0.4325,
        0.0875,
        0.52,
        0.1725,
        0.6075,
        0.26,
        0.6925,
        0.3475,
        0,
        0.4325,
        0.0875,
        0.52,
        0.1725,
        0.6075,
        0.26,
        0.6925,
        0.3475,
        0,
        0.4325,
        0.0875,
        0.52,
        0.1725,
        0.6075,
        0.26,
        0.6925,
        0.3475,
        0,
        0.4325,
        0.0875,
        0.52,
        0.1725,
        0.6075,
        0.26,
        0.6925,
        0.3475,
        0,
        0.4325,
        0.0875,
        0.52,
        0.1725,
        0.6075,
        0.26,
        0.6925,
        0.3475,
        0,
        0.4325,
        0.0875,
        0.52,
        0.1725,
        0.6075,
        0.26,
        0.6925,
        0.3475,
        0,
        0.4325,
        0.0875,
        0.52,
        0.1725,
        0.6075,
        0.26,
        0.6925,
        0.3475,
        0,
        0.4325,
        0.0875,
        0.52,
        0.1725,
        0.6075,
        0.26,
        0.6925,
        0.3475
    ],
    "ImageOrientationPatientDICOM":[
        0.999968,
        0.0075277,
        0.00258788,
        -0.00663207,
        0.967671,
        -0.25213
    ],
    "InPlanePhaseEncodingDirectionDICOM":"COL",
    "ConversionSoftware":"dcm2niix",
    "ConversionSoftwareVersion":"v1.0.20210317",
    "TaskName":"restPA"
}