{
    "Modality":"MR",
    "MagneticFieldStrength":3,
    "ImagingFrequency":123.261,
    "Manufacturer":"Siemens",
    "ManufacturersModelName":"Prisma",
    "InstitutionName":"Yale University - Dunham Lab. Bldg.",
    "InstitutionalDepartmentName":"Department",
    "InstitutionAddress":"Hillhouse Ave. 10,New Haven ,Northeast,US,06519",
    "DeviceSerialNumber":"166095",
    "StationName":"AWP166095",
    "BodyPartExamined":"BRAIN",
    "PatientPosition":"HFS",
    "ProcedureStepDescription":"PCY",
    "SoftwareVersions":"syngo MR E11",
    "MRAcquisitionType":"2D",
    "SeriesDescription":"rfMRI_REST_PA",
    "ProtocolName":"rfMRI_REST_PA",
    "ScanningSequence":"EP",
    "SequenceVariant":"SK\\SS",
    "ScanOptions":"FS\\EXT",
    "SequenceName":"epfid2d1_104",
    "ImageType":[
        "ORIGINAL",
        "PRIMARY",
        "M",
        "MB",
        "ND",
        "MOSAIC"
    ],
    "SeriesNumber":38,
    "AcquisitionTime":"09:55:52.420000",
    "AcquisitionNumber":1,
    "ImageComments":"Unaliased MB8/PE3/LB",
    "SliceThickness":2,
    "SpacingBetweenSlices":2,
    "SAR":0.055081,
    "EchoTime":0.037,
    "RepetitionTime":0.8,
    "FlipAngle":52,
    "PartialFourier":1,
    "BaseResolution":104,
    "ShimSetting":[
        -2145,
        -583,
        -4054,
        293,
        53,
        -123,
        -196,
        68
    ],
    "TxRefAmp":214.995,
    "PhaseResolution":1,
    "ReceiveCoilName":"HeadNeck_64",
    "ReceiveCoilActiveElements":"HC1-7;NC1,2",
    "PulseSequenceDetails":"%CustomerSeq%\\cmrr_mbep2d_bold",
    "WipMemBlock":"5bbf9341-7271-497e-8554-3616ab374299||Sequence: R016 ve11c/master r/e634e98; Dec 19 2017 11:00:25 by eja",
    "ConsistencyInfo":"N4_VE11C_LATEST_20160120",
    "MultibandAccelerationFactor":8,
    "PercentPhaseFOV":100,
    "PercentSampling":100,
    "EchoTrainLength":104,
    "PhaseEncodingSteps":104,
    "AcquisitionMatrixPE":104,
    "ReconMatrixPE":104,
    "BandwidthPerPixelPhaseEncode":16.578,
    "EffectiveEchoSpacing":0.000580009,
    "DerivedVendorReportedEchoSpacing":0.000580009,
    "TotalReadoutTime":0.0597409,
    "PixelBandwidth":2290,
    "DwellTime":2.1e-06,
    "PhaseEncodingDirection":"j",
    "SliceTiming":[
        0,
        0.435,
        0.0875,
        0.52,
        0.175,
        0.6075,
        0.26,
        0.695,
        0.3475,
        0,
        0.435,
        0.0875,
        0.52,
        0.175,
        0.6075,
        0.26,
        0.695,
        0.3475,
        0,
        0.435,
        0.0875,
        0.52,
        0.175,
        0.6075,
        0.26,
        0.695,
        0.3475,
        0,
        0.435,
        0.0875,
        0.52,
        0.175,
        0.6075,
        0.26,
        0.695,
        0.3475,
        0,
        0.435,
        0.0875,
        0.52,
        0.175,
        0.6075,
        0.26,
        0.695,
        0.3475,
        0,
        0.435,
        0.0875,
        0.52,
        0.175,
        0.6075,
        0.26,
        0.695,
        0.3475,
        0,
        0.435,
        0.0875,
        0.52,
        0.175,
        0.6075,
        0.26,
        0.695,
        0.3475,
        0,
        0.435,
        0.0875,
        0.52,
        0.175,
        0.6075,
        0.26,
        0.695,
        0.3475
    ],
    "ImageOrientationPatientDICOM":[
        0.999107,
        0.0137996,
        -0.0399248,
        -0.0272096,
        0.933183,
        -0.358369
    ],
    "InPlanePhaseEncodingDirectionDICOM":"COL",
    "ConversionSoftware":"dcm2niix",
    "ConversionSoftwareVersion":"v1.0.20210317",
    "TaskName":"restPA"
}