{
	"Modality": "MR",
	"MagneticFieldStrength": 3,
	"Manufacturer": "Siemens",
	"ManufacturersModelName": "Prisma",
	"InstitutionName": "Yale_University_-_Dunham_Lab._Bldg.",
	"InstitutionalDepartmentName": "Department",
	"InstitutionAddress": "Hillhouse_Ave._10_New_Haven_Northeast_US_06519",
	"DeviceSerialNumber": "166095",
	"StationName": "AWP166095",
	"BodyPartExamined": "BRAIN",
	"PatientPosition": "HFS",
	"ProcedureStepDescription": "PCY",
	"SoftwareVersions": "syngo_MR_E11",
	"MRAcquisitionType": "2D",
	"SeriesDescription": "SpinEchoFieldMap_AP",
	"ProtocolName": "SpinEchoFieldMap_AP",
	"ScanningSequence": "EP",
	"SequenceVariant": "SK",
	"ScanOptions": "FS",
	"SequenceName": "epse2d1_104",
	"ImageType": ["ORIGINAL", "PRIMARY", "M", "ND", "MOSAIC"],
	"SeriesNumber": 17,
	"AcquisitionTime": "13:00:25.605000",
	"AcquisitionNumber": 1,
	"SliceThickness": 2,
	"SpacingBetweenSlices": 2,
	"SAR": 0.106869,
	"EchoTime": 0.066,
	"RepetitionTime": 8,
	"FlipAngle": 90,
	"PartialFourier": 1,
	"BaseResolution": 104,
	"ShimSetting": [
		-2142,
		-607,
		-3990,
		470,
		-53,
		78,
		-53,
		-6	],
	"TxRefAmp": 229.558,
	"PhaseResolution": 1,
	"VendorReportedEchoSpacing": 0.00058,
	"ReceiveCoilName": "HeadNeck_64",
	"ReceiveCoilActiveElements": "HC1-7;NC1,2",
	"PulseSequenceDetails": "%CustomerSeq%_cmrr_mbep2d_se",
	"ConsistencyInfo": "N4_VE11C_LATEST_20160120",
	"PercentPhaseFOV": 100,
	"EchoTrainLength": 104,
	"PhaseEncodingSteps": 104,
	"AcquisitionMatrixPE": 104,
	"ReconMatrixPE": 104,
	"BandwidthPerPixelPhaseEncode": 16.578,
	"EffectiveEchoSpacing": 0.000580009,
	"DerivedVendorReportedEchoSpacing": 0.000580009,
	"TotalReadoutTime": 0.0597409,
	"PixelBandwidth": 2290,
	"DwellTime": 2.1e-06,
	"PhaseEncodingDirection": "j-",
	"SliceTiming": [
		3.99,
		0,
		4.1025,
		0.1125,
		4.2125,
		0.2225,
		4.3225,
		0.3325,
		4.435,
		0.445,
		4.545,
		0.555,
		4.655,
		0.665,
		4.7675,
		0.7775,
		4.8775,
		0.8875,
		4.9875,
		0.9975,
		5.1,
		1.11,
		5.21,
		1.22,
		5.32,
		1.33,
		5.4325,
		1.4425,
		5.5425,
		1.5525,
		5.6525,
		1.6625,
		5.765,
		1.775,
		5.875,
		1.885,
		5.985,
		1.995,
		6.0975,
		2.1075,
		6.2075,
		2.2175,
		6.3175,
		2.3275,
		6.43,
		2.44,
		6.54,
		2.55,
		6.65,
		2.66,
		6.7625,
		2.7725,
		6.8725,
		2.8825,
		6.9825,
		2.9925,
		7.095,
		3.105,
		7.205,
		3.215,
		7.315,
		3.325,
		7.4275,
		3.4375,
		7.5375,
		3.5475,
		7.6475,
		3.6575,
		7.76,
		3.77,
		7.87,
		3.88	],
	"ImageOrientationPatientDICOM": [
		0.999366,
		0.0193981,
		0.029849,
		-0.00976796,
		0.955734,
		-0.294069	],
	"InPlanePhaseEncodingDirectionDICOM": "COL",
	"ConversionSoftware": "dcm2niix",
	"ConversionSoftwareVersion": "v1.0.20171215 (OpenJPEG build) GCC4.8.4"
}
