{
	"Modality": "MR",
	"MagneticFieldStrength": 3,
	"Manufacturer": "Siemens",
	"ManufacturersModelName": "Prisma",
	"InstitutionName": "MCL",
	"InstitutionalDepartmentName": "Department",
	"InstitutionAddress": "Mill_Street_115_Belmont_Boston_US_02478",
	"DeviceSerialNumber": "66094",
	"StationName": "AWP66094",
	"BodyPartExamined": "BRAIN",
	"PatientPosition": "HFS",
	"ProcedureStepDescription": "MRI_RESEARCH",
	"SoftwareVersions": "syngo_MR_E11",
	"MRAcquisitionType": "2D",
	"SeriesDescription": "rfMRI_REST_PA",
	"ProtocolName": "rfMRI_REST_PA",
	"ScanningSequence": "EP",
	"SequenceVariant": "SK_SS",
	"ScanOptions": "FS_EXT",
	"SequenceName": "epfid2d1_104",
	"ImageType": ["ORIGINAL", "PRIMARY", "M", "MB", "ND", "MOSAIC"],
	"SeriesNumber": 23,
	"AcquisitionTime": "17:16:12.550000",
	"AcquisitionNumber": 1,
	"ImageComments": "Unaliased_MB8_PE3_LB",
	"SliceThickness": 2,
	"SpacingBetweenSlices": 2,
	"SAR": 0.0624734,
	"EchoTime": 0.037,
	"RepetitionTime": 0.8,
	"FlipAngle": 52,
	"PartialFourier": 1,
	"BaseResolution": 104,
	"ShimSetting": [
		2857,
		-11924,
		-5814,
		546,
		-34,
		42,
		-158,
		-21	],
	"TxRefAmp": 228.977,
	"PhaseResolution": 1,
	"ReceiveCoilName": "HeadNeck_64",
	"ReceiveCoilActiveElements": "HC1,3-7",
	"PulseSequenceDetails": "%CustomerSeq%_hcp_mbep2d_bold",
	"ConsistencyInfo": "N4_VE11C_LATEST_20160120",
	"MultibandAccelerationFactor": 8,
	"PercentPhaseFOV": 100,
	"EchoTrainLength": 104,
	"PhaseEncodingSteps": 104,
	"AcquisitionMatrixPE": 104,
	"ReconMatrixPE": 104,
	"BandwidthPerPixelPhaseEncode": 16.578,
	"EffectiveEchoSpacing": 0.000580009,
	"DerivedVendorReportedEchoSpacing": 0.000580009,
	"TotalReadoutTime": 0.0597409,
	"PixelBandwidth": 2290,
	"DwellTime": 2.1e-06,
	"PhaseEncodingDirection": "j",
	"SliceTiming": [
		0,
		0.435,
		0.0875,
		0.52,
		0.175,
		0.6075,
		0.26,
		0.695,
		0.3475,
		0,
		0.435,
		0.0875,
		0.52,
		0.175,
		0.6075,
		0.26,
		0.695,
		0.3475,
		0,
		0.435,
		0.0875,
		0.52,
		0.175,
		0.6075,
		0.26,
		0.695,
		0.3475,
		0,
		0.435,
		0.0875,
		0.52,
		0.175,
		0.6075,
		0.26,
		0.695,
		0.3475,
		0,
		0.435,
		0.0875,
		0.52,
		0.175,
		0.6075,
		0.26,
		0.695,
		0.3475,
		0,
		0.435,
		0.0875,
		0.52,
		0.175,
		0.6075,
		0.26,
		0.695,
		0.3475,
		0,
		0.435,
		0.0875,
		0.52,
		0.175,
		0.6075,
		0.26,
		0.695,
		0.3475,
		0,
		0.435,
		0.0875,
		0.52,
		0.175,
		0.6075,
		0.26,
		0.695,
		0.3475	],
	"ImageOrientationPatientDICOM": [
		0.999259,
		0.0384145,
		0.00227652,
		-0.035768,
		0.948982,
		-0.313296	],
	"InPlanePhaseEncodingDirectionDICOM": "COL",
	"ConversionSoftware": "dcm2niix",
	"ConversionSoftwareVersion": "v1.0.20171215 (OpenJPEG build) GCC4.8.4",
	"TaskName": "restPA"
}
