{
    "Modality":"MR",
    "MagneticFieldStrength":3,
    "ImagingFrequency":123.257,
    "Manufacturer":"Siemens",
    "ManufacturersModelName":"Prisma",
    "DeviceSerialNumber":"66094",
    "BodyPartExamined":"BRAIN",
    "PatientPosition":"HFS",
    "ProcedureStepDescription":"MRI RESEARCH",
    "SoftwareVersions":"syngo MR E11",
    "MRAcquisitionType":"2D",
    "SeriesDescription":"Stroop_BI1_AP",
    "ProtocolName":"Stroop_BI1_AP",
    "ScanningSequence":"EP",
    "SequenceVariant":"SK\\SS",
    "ScanOptions":"FS\\EXT",
    "SequenceName":"epfid2d1_104",
    "ImageType":[
        "ORIGINAL",
        "PRIMARY",
        "M",
        "MB",
        "ND",
        "MOSAIC"
    ],
    "SeriesNumber":26,
    "AcquisitionTime":"10:26:0.962500",
    "AcquisitionNumber":1,
    "SliceThickness":2,
    "SpacingBetweenSlices":2,
    "SAR":0.0716614,
    "EchoTime":0.037,
    "RepetitionTime":0.8,
    "FlipAngle":52,
    "PartialFourier":1,
    "BaseResolution":104,
    "ShimSetting":[
        2845,
        -11911,
        -5674,
        685,
        -141,
        -95,
        -115,
        26
    ],
    "TxRefAmp":222.917,
    "PhaseResolution":1,
    "ReceiveCoilName":"HeadNeck_64",
    "ReceiveCoilActiveElements":"HC1-7",
    "PulseSequenceDetails":"%CustomerSeq%\\hcp_mbep2d_bold",
    "WipMemBlock":"070817af-1875-440b-97f5-af0d3938575a||Sequence: ve11c/HCP_R015pre1 r/5139a44c; Oct 20 2020 17:11:32 by eja",
    "ConsistencyInfo":"N4_VE11C_LATEST_20160120",
    "MultibandAccelerationFactor":8,
    "PercentPhaseFOV":100,
    "PercentSampling":100,
    "EchoTrainLength":104,
    "PhaseEncodingSteps":104,
    "AcquisitionMatrixPE":104,
    "ReconMatrixPE":104,
    "BandwidthPerPixelPhaseEncode":16.578,
    "EffectiveEchoSpacing":0.000580009,
    "DerivedVendorReportedEchoSpacing":0.000580009,
    "TotalReadoutTime":0.0597409,
    "PixelBandwidth":2290,
    "DwellTime":2.1e-06,
    "PhaseEncodingDirection":"j-",
    "SliceTiming":[
        0,
        0.435,
        0.0875,
        0.52,
        0.175,
        0.6075,
        0.26,
        0.695,
        0.3475,
        0,
        0.435,
        0.0875,
        0.52,
        0.175,
        0.6075,
        0.26,
        0.695,
        0.3475,
        0,
        0.435,
        0.0875,
        0.52,
        0.175,
        0.6075,
        0.26,
        0.695,
        0.3475,
        0,
        0.435,
        0.0875,
        0.52,
        0.175,
        0.6075,
        0.26,
        0.695,
        0.3475,
        0,
        0.435,
        0.0875,
        0.52,
        0.175,
        0.6075,
        0.26,
        0.695,
        0.3475,
        0,
        0.435,
        0.0875,
        0.52,
        0.175,
        0.6075,
        0.26,
        0.695,
        0.3475,
        0,
        0.435,
        0.0875,
        0.52,
        0.175,
        0.6075,
        0.26,
        0.695,
        0.3475,
        0,
        0.435,
        0.0875,
        0.52,
        0.175,
        0.6075,
        0.26,
        0.695,
        0.3475
    ],
    "ImageOrientationPatientDICOM":[
        0.9945,
        0.0998498,
        0.0316125,
        -0.081588,
        0.927839,
        -0.363947
    ],
    "InPlanePhaseEncodingDirectionDICOM":"COL",
    "ConversionSoftware":"dcm2niix",
    "ConversionSoftwareVersion":"v1.0.20210317",
    "TaskName":"stroopAP"
}