{
    "Modality":"MR",
    "MagneticFieldStrength":3,
    "ImagingFrequency":123.261,
    "Manufacturer":"Siemens",
    "ManufacturersModelName":"Prisma",
    "InstitutionName":"Yale University - Dunham Lab. Bldg.",
    "InstitutionalDepartmentName":"Department",
    "InstitutionAddress":"Hillhouse Ave. 10,New Haven ,Northeast,US,06519",
    "DeviceSerialNumber":"166095",
    "StationName":"AWP166095",
    "BodyPartExamined":"BRAIN",
    "PatientPosition":"HFS",
    "ProcedureStepDescription":"PCY",
    "SoftwareVersions":"syngo MR E11",
    "MRAcquisitionType":"2D",
    "SeriesDescription":"Stroop_BI1_AP",
    "ProtocolName":"Stroop_BI1_AP",
    "ScanningSequence":"EP",
    "SequenceVariant":"SK\\SS",
    "ScanOptions":"FS\\EXT",
    "SequenceName":"epfid2d1_104",
    "ImageType":[
        "ORIGINAL",
        "PRIMARY",
        "M",
        "MB",
        "ND",
        "MOSAIC"
    ],
    "SeriesNumber":26,
    "AcquisitionTime":"13:37:25.280000",
    "AcquisitionNumber":1,
    "ImageComments":"Unaliased MB8/PE3/LB",
    "SliceThickness":2,
    "SpacingBetweenSlices":2,
    "SAR":0.0511652,
    "EchoTime":0.037,
    "RepetitionTime":0.8,
    "FlipAngle":52,
    "PartialFourier":1,
    "BaseResolution":104,
    "ShimSetting":[
        -2112,
        -559,
        -3963,
        578,
        30,
        131,
        11,
        46
    ],
    "TxRefAmp":213.42,
    "PhaseResolution":1,
    "ReceiveCoilName":"HeadNeck_64",
    "ReceiveCoilActiveElements":"HC1-7;NC1,2",
    "PulseSequenceDetails":"%CustomerSeq%\\hcp_mbep2d_bold",
    "WipMemBlock":"ee192956-3c5c-4624-b1bd-5aad44636f57||Sequence: ve11c/HCP_R015pre1 r/5139a44c; Oct 20 2020 17:11:32 by eja",
    "ConsistencyInfo":"N4_VE11C_LATEST_20160120",
    "MultibandAccelerationFactor":8,
    "PercentPhaseFOV":100,
    "PercentSampling":100,
    "EchoTrainLength":104,
    "PhaseEncodingSteps":104,
    "AcquisitionMatrixPE":104,
    "ReconMatrixPE":104,
    "BandwidthPerPixelPhaseEncode":16.578,
    "EffectiveEchoSpacing":0.000580009,
    "DerivedVendorReportedEchoSpacing":0.000580009,
    "TotalReadoutTime":0.0597409,
    "PixelBandwidth":2290,
    "DwellTime":2.1e-06,
    "PhaseEncodingDirection":"j-",
    "SliceTiming":[
        0,
        0.4325,
        0.0875,
        0.52,
        0.1725,
        0.6075,
        0.26,
        0.6925,
        0.3475,
        0,
        0.4325,
        0.0875,
        0.52,
        0.1725,
        0.6075,
        0.26,
        0.6925,
        0.3475,
        0,
        0.4325,
        0.0875,
        0.52,
        0.1725,
        0.6075,
        0.26,
        0.6925,
        0.3475,
        0,
        0.4325,
        0.0875,
        0.52,
        0.1725,
        0.6075,
        0.26,
        0.6925,
        0.3475,
        0,
        0.4325,
        0.0875,
        0.52,
        0.1725,
        0.6075,
        0.26,
        0.6925,
        0.3475,
        0,
        0.4325,
        0.0875,
        0.52,
        0.1725,
        0.6075,
        0.26,
        0.6925,
        0.3475,
        0,
        0.4325,
        0.0875,
        0.52,
        0.1725,
        0.6075,
        0.26,
        0.6925,
        0.3475,
        0,
        0.4325,
        0.0875,
        0.52,
        0.1725,
        0.6075,
        0.26,
        0.6925,
        0.3475
    ],
    "ImageOrientationPatientDICOM":[
        0.998981,
        -0.0449484,
        0.00404942,
        0.0437911,
        0.943728,
        -0.327811
    ],
    "InPlanePhaseEncodingDirectionDICOM":"COL",
    "ConversionSoftware":"dcm2niix",
    "ConversionSoftwareVersion":"v1.0.20210317",
    "TaskName":"stroopAP"
}