{
    "Modality":"MR",
    "MagneticFieldStrength":3,
    "ImagingFrequency":123.258,
    "Manufacturer":"Siemens",
    "ManufacturersModelName":"Prisma",
    "InstitutionName":"MCL",
    "InstitutionalDepartmentName":"Department",
    "InstitutionAddress":"Mill Street 115,Belmont,Boston,US,02478",
    "DeviceSerialNumber":"66094",
    "StationName":"AWP66094",
    "BodyPartExamined":"BRAIN",
    "PatientPosition":"HFS",
    "ProcedureStepDescription":"MRI RESEARCH",
    "SoftwareVersions":"syngo MR E11",
    "MRAcquisitionType":"3D",
    "SeriesDescription":"T2_SPACE_GSP_vNavTrk",
    "ProtocolName":"T2_SPACE_GSP_vNavTrk",
    "ScanningSequence":"SE",
    "SequenceVariant":"SK\\SP",
    "ScanOptions":"PFP",
    "SequenceName":"spc_212ns",
    "ImageType":[
        "ORIGINAL",
        "PRIMARY",
        "M",
        "ND",
        "NORM"
    ],
    "SeriesNumber":17,
    "AcquisitionTime":"12:50:0.220000",
    "AcquisitionNumber":1,
    "SliceThickness":1.2,
    "SAR":0.174044,
    "EchoTime":0.326,
    "RepetitionTime":2.8,
    "FlipAngle":120,
    "PartialFourier":1,
    "BaseResolution":192,
    "ShimSetting":[
        2852,
        -11916,
        -5772,
        -166,
        -82,
        -512,
        143,
        27
    ],
    "TxRefAmp":231.296,
    "PhaseResolution":1,
    "ReceiveCoilName":"HeadNeck_64",
    "ReceiveCoilActiveElements":"HC2-7;NC1",
    "PulseSequenceDetails":"%CustomerSeq%\\tse_vfl_mgh_epinav_ABCD",
    "WipMemBlock":"Prisma_epi_moco_navigator_ABCD_tse_vfl.prot",
    "RefLinesPE":24,
    "ConsistencyInfo":"N4_VE11C_LATEST_20160120",
    "PercentPhaseFOV":100,
    "PercentSampling":100,
    "EchoTrainLength":199,
    "PhaseEncodingSteps":179,
    "AcquisitionMatrixPE":192,
    "ReconMatrixPE":192,
    "ParallelReductionFactorInPlane":2,
    "PixelBandwidth":650,
    "DwellTime":4e-06,
    "PhaseEncodingDirection":"i",
    "ImageOrientationPatientDICOM":[
        -0.0693229,
        0.98684,
        -0.146083,
        0.00816091,
        -0.145869,
        -0.98927
    ],
    "InPlanePhaseEncodingDirectionDICOM":"ROW",
    "ConversionSoftware":"dcm2niix",
    "ConversionSoftwareVersion":"v1.0.20210317"
}