{
    "AcquisitionMatrixPE": 104,
    "AcquisitionNumber": 1,
    "AcquisitionTime": "13:18:55.610000",
    "BandwidthPerPixelPhaseEncode": 16.578,
    "BaseResolution": 104,
    "BodyPartExamined": "BRAIN",
    "ConsistencyInfo": "N4_VE11C_LATEST_20160120",
    "ConversionSoftware": "dcm2niix",
    "ConversionSoftwareVersion": "v1.0.20210317",
    "DerivedVendorReportedEchoSpacing": 0.000580009,
    "DeviceSerialNumber": "166095",
    "DwellTime": 2.1e-06,
    "EchoTime": 0.037,
    "EchoTrainLength": 104,
    "EffectiveEchoSpacing": 0.000580009,
    "FlipAngle": 52,
    "ImageComments": "Unaliased MB8/PE3/LB",
    "ImageOrientationPatientDICOM": [
        0.998968,
        0.040074,
        -0.0213806,
        -0.0443146,
        0.963161,
        -0.265248
    ],
    "ImageType": [
        "ORIGINAL",
        "PRIMARY",
        "M",
        "MB",
        "ND",
        "MOSAIC"
    ],
    "ImagingFrequency": 123.261,
    "InPlanePhaseEncodingDirectionDICOM": "COL",
    "InstitutionAddress": "Hillhouse Ave. 10,New Haven ,Northeast,US,06519",
    "InstitutionName": "Yale University - Dunham Lab. Bldg.",
    "InstitutionalDepartmentName": "Department",
    "MRAcquisitionType": "2D",
    "MagneticFieldStrength": 3,
    "Manufacturer": "Siemens",
    "ManufacturersModelName": "Prisma",
    "Modality": "MR",
    "MultibandAccelerationFactor": 8,
    "PartialFourier": 1,
    "PatientPosition": "HFS",
    "PercentPhaseFOV": 100,
    "PercentSampling": 100,
    "PhaseEncodingDirection": "j",
    "PhaseEncodingSteps": 104,
    "PhaseResolution": 1,
    "PixelBandwidth": 2290,
    "ProcedureStepDescription": "PCY",
    "ProtocolName": "Stroop_BI2_PA",
    "PulseSequenceDetails": "%CustomerSeq%\\hcp_mbep2d_bold",
    "ReceiveCoilActiveElements": "HC1-7;NC1,2",
    "ReceiveCoilName": "HeadNeck_64",
    "ReconMatrixPE": 104,
    "RepetitionTime": 0.8,
    "SAR": 0.0788515,
    "ScanOptions": "FS\\EXT",
    "ScanningSequence": "EP",
    "SequenceName": "epfid2d1_104",
    "SequenceVariant": "SK\\SS",
    "SeriesDescription": "Stroop_BI2_PA",
    "SeriesNumber": 29,
    "ShimSetting": [
        -2150,
        -589,
        -3997,
        310,
        -16,
        71,
        135,
        2
    ],
    "SliceThickness": 2,
    "SliceTiming": [
        0,
        0.435,
        0.0875,
        0.52,
        0.175,
        0.6075,
        0.26,
        0.695,
        0.3475,
        0,
        0.435,
        0.0875,
        0.52,
        0.175,
        0.6075,
        0.26,
        0.695,
        0.3475,
        0,
        0.435,
        0.0875,
        0.52,
        0.175,
        0.6075,
        0.26,
        0.695,
        0.3475,
        0,
        0.435,
        0.0875,
        0.52,
        0.175,
        0.6075,
        0.26,
        0.695,
        0.3475,
        0,
        0.435,
        0.0875,
        0.52,
        0.175,
        0.6075,
        0.26,
        0.695,
        0.3475,
        0,
        0.435,
        0.0875,
        0.52,
        0.175,
        0.6075,
        0.26,
        0.695,
        0.3475,
        0,
        0.435,
        0.0875,
        0.52,
        0.175,
        0.6075,
        0.26,
        0.695,
        0.3475,
        0,
        0.435,
        0.0875,
        0.52,
        0.175,
        0.6075,
        0.26,
        0.695,
        0.3475
    ],
    "SoftwareVersions": "syngo MR E11",
    "SpacingBetweenSlices": 2,
    "StationName": "AWP166095",
    "TaskName": "stroopPA",
    "TotalReadoutTime": 0.0597409,
    "TxRefAmp": 263.43,
    "WipMemBlock": "719abeca-bbe9-49c1-b13d-a9b2ed05556e||Sequence: ve11c/HCP_R015pre1 r/5139a44c; Oct 20 2020 17:11:32 by eja"
}