{
    "Modality":"MR",
    "MagneticFieldStrength":3,
    "ImagingFrequency":123.261,
    "Manufacturer":"Siemens",
    "ManufacturersModelName":"Prisma",
    "InstitutionName":"Yale University - Dunham Lab. Bldg.",
    "InstitutionalDepartmentName":"Department",
    "InstitutionAddress":"Hillhouse Ave. 10,New Haven ,Northeast,US,06519",
    "DeviceSerialNumber":"166095",
    "StationName":"AWP166095",
    "BodyPartExamined":"BRAIN",
    "PatientPosition":"HFS",
    "ProcedureStepDescription":"PCY",
    "SoftwareVersions":"syngo MR E11",
    "MRAcquisitionType":"2D",
    "SeriesDescription":"rfMRI_REST_PA",
    "ProtocolName":"rfMRI_REST_PA",
    "ScanningSequence":"EP",
    "SequenceVariant":"SK\\SS",
    "ScanOptions":"FS\\EXT",
    "SequenceName":"epfid2d1_104",
    "ImageType":[
        "ORIGINAL",
        "PRIMARY",
        "M",
        "MB",
        "ND",
        "MOSAIC"
    ],
    "SeriesNumber":23,
    "AcquisitionTime":"12:31:10.707500",
    "AcquisitionNumber":1,
    "ImageComments":"Unaliased MB8/PE3/LB",
    "SliceThickness":2,
    "SpacingBetweenSlices":2,
    "SAR":0.0537539,
    "EchoTime":0.037,
    "RepetitionTime":0.8,
    "FlipAngle":52,
    "PartialFourier":1,
    "BaseResolution":104,
    "ShimSetting":[
        -2112,
        -618,
        -4023,
        406,
        31,
        -192,
        -140,
        13
    ],
    "TxRefAmp":213.886,
    "PhaseResolution":1,
    "ReceiveCoilName":"HeadNeck_64",
    "ReceiveCoilActiveElements":"HC1-7;NC1,2",
    "PulseSequenceDetails":"%CustomerSeq%\\cmrr_mbep2d_bold",
    "WipMemBlock":"ae4714be-d213-4c2a-bc66-7ef9ad0fbc08||Sequence: R016 ve11c/master r/e634e98; Dec 19 2017 11:00:25 by eja",
    "ConsistencyInfo":"N4_VE11C_LATEST_20160120",
    "MultibandAccelerationFactor":8,
    "PercentPhaseFOV":100,
    "PercentSampling":100,
    "EchoTrainLength":104,
    "PhaseEncodingSteps":104,
    "AcquisitionMatrixPE":104,
    "ReconMatrixPE":104,
    "BandwidthPerPixelPhaseEncode":16.578,
    "EffectiveEchoSpacing":0.000580009,
    "DerivedVendorReportedEchoSpacing":0.000580009,
    "TotalReadoutTime":0.0597409,
    "PixelBandwidth":2290,
    "DwellTime":2.1e-06,
    "PhaseEncodingDirection":"j",
    "SliceTiming":[
        0,
        0.4325,
        0.085,
        0.52,
        0.1725,
        0.605,
        0.26,
        0.6925,
        0.345,
        0,
        0.4325,
        0.085,
        0.52,
        0.1725,
        0.605,
        0.26,
        0.6925,
        0.345,
        0,
        0.4325,
        0.085,
        0.52,
        0.1725,
        0.605,
        0.26,
        0.6925,
        0.345,
        0,
        0.4325,
        0.085,
        0.52,
        0.1725,
        0.605,
        0.26,
        0.6925,
        0.345,
        0,
        0.4325,
        0.085,
        0.52,
        0.1725,
        0.605,
        0.26,
        0.6925,
        0.345,
        0,
        0.4325,
        0.085,
        0.52,
        0.1725,
        0.605,
        0.26,
        0.6925,
        0.345,
        0,
        0.4325,
        0.085,
        0.52,
        0.1725,
        0.605,
        0.26,
        0.6925,
        0.345,
        0,
        0.4325,
        0.085,
        0.52,
        0.1725,
        0.605,
        0.26,
        0.6925,
        0.345
    ],
    "ImageOrientationPatientDICOM":[
        0.998645,
        0.036831,
        0.0367531,
        -0.0247551,
        0.95761,
        -0.287001
    ],
    "InPlanePhaseEncodingDirectionDICOM":"COL",
    "ConversionSoftware":"dcm2niix",
    "ConversionSoftwareVersion":"v1.0.20210317",
    "TaskName":"restPA"
}