{
    "AcquisitionMatrixPE": 104,
    "AcquisitionNumber": 1,
    "AcquisitionTime": "16:48:23.487500",
    "B0FieldIdentifier": "SpinEchoFieldMap_fmap",
    "BandwidthPerPixelPhaseEncode": 16.578,
    "BaseResolution": 104,
    "BodyPartExamined": "BRAIN",
    "ConsistencyInfo": "N4_VE11C_LATEST_20160120",
    "ConversionSoftware": "dcm2niix",
    "ConversionSoftwareVersion": "v1.0.20171215 (OpenJPEG build) GCC4.8.4",
    "DerivedVendorReportedEchoSpacing": 0.000580009,
    "DeviceSerialNumber": "166095",
    "DwellTime": 2.1e-06,
    "EchoTime": 0.066,
    "EchoTrainLength": 104,
    "EffectiveEchoSpacing": 0.000580009,
    "FlipAngle": 90,
    "ImageOrientationPatientDICOM": [
        0.996128,
        -0.0173599,
        -0.0861884,
        0.00104312,
        0.982577,
        -0.185853
    ],
    "ImageType": [
        "ORIGINAL",
        "PRIMARY",
        "M",
        "ND",
        "MOSAIC"
    ],
    "InPlanePhaseEncodingDirectionDICOM": "COL",
    "InstitutionAddress": "Hillhouse_Ave._10_New_Haven_Northeast_US_06519",
    "InstitutionName": "Yale_University_-_Dunham_Lab._Bldg.",
    "InstitutionalDepartmentName": "Department",
    "MRAcquisitionType": "2D",
    "MagneticFieldStrength": 3,
    "Manufacturer": "Siemens",
    "ManufacturersModelName": "Prisma",
    "Modality": "MR",
    "PartialFourier": 1,
    "PatientPosition": "HFS",
    "PercentPhaseFOV": 100,
    "PhaseEncodingDirection": "j-",
    "PhaseEncodingSteps": 104,
    "PhaseResolution": 1,
    "PixelBandwidth": 2290,
    "ProcedureStepDescription": "PCY",
    "ProtocolName": "SpinEchoFieldMap_AP",
    "PulseSequenceDetails": "%CustomerSeq%_hcp_mbep2d_se",
    "ReceiveCoilActiveElements": "HC1-7;NC1,2",
    "ReceiveCoilName": "HeadNeck_64",
    "ReconMatrixPE": 104,
    "RepetitionTime": 8,
    "SAR": 0.117332,
    "ScanOptions": "FS",
    "ScanningSequence": "EP",
    "SequenceName": "epse2d1_104",
    "SequenceVariant": "SK",
    "SeriesDescription": "SpinEchoFieldMap_AP",
    "SeriesNumber": 17,
    "ShimSetting": [
        -2135,
        -652,
        -3960,
        666,
        11,
        -259,
        -9,
        46
    ],
    "SliceThickness": 2,
    "SliceTiming": [
        3.99,
        0,
        4.1,
        0.11,
        4.2125,
        0.2225,
        4.3225,
        0.3325,
        4.4325,
        0.4425,
        4.5425,
        0.555,
        4.655,
        0.665,
        4.765,
        0.775,
        4.875,
        0.8875,
        4.9875,
        0.9975,
        5.0975,
        1.1075,
        5.2075,
        1.22,
        5.32,
        1.33,
        5.43,
        1.44,
        5.54,
        1.5525,
        5.6525,
        1.6625,
        5.7625,
        1.7725,
        5.8725,
        1.885,
        5.985,
        1.995,
        6.095,
        2.105,
        6.205,
        2.2175,
        6.3175,
        2.3275,
        6.4275,
        2.4375,
        6.5375,
        2.55,
        6.65,
        2.66,
        6.76,
        2.77,
        6.87,
        2.8825,
        6.9825,
        2.9925,
        7.0925,
        3.1025,
        7.2025,
        3.215,
        7.315,
        3.325,
        7.425,
        3.435,
        7.535,
        3.5475,
        7.6475,
        3.6575,
        7.7575,
        3.7675,
        7.8675,
        3.88
    ],
    "SoftwareVersions": "syngo_MR_E11",
    "SpacingBetweenSlices": 2,
    "StationName": "AWP166095",
    "TotalReadoutTime": 0.0597409,
    "TxRefAmp": 217.3,
    "VendorReportedEchoSpacing": 0.00058
}