{
    "AcquisitionMatrixPE": 104,
    "AcquisitionNumber": 1,
    "AcquisitionTime": "13:52:49.392500",
    "BandwidthPerPixelPhaseEncode": 16.578,
    "BaseResolution": 104,
    "BodyPartExamined": "BRAIN",
    "ConsistencyInfo": "N4_VE11C_LATEST_20160120",
    "ConversionSoftware": "dcm2niix",
    "ConversionSoftwareVersion": "v1.0.20210317",
    "DerivedVendorReportedEchoSpacing": 0.000580009,
    "DeviceSerialNumber": "166095",
    "DwellTime": 2.1e-06,
    "EchoTime": 0.037,
    "EchoTrainLength": 104,
    "EffectiveEchoSpacing": 0.000580009,
    "FlipAngle": 52,
    "ImageComments": "Unaliased MB8/PE3/LB",
    "ImageOrientationPatientDICOM": [
        0.998061,
        -0.0501084,
        -0.0369187,
        0.0395629,
        0.968667,
        -0.245192
    ],
    "ImageType": [
        "ORIGINAL",
        "PRIMARY",
        "M",
        "MB",
        "ND",
        "MOSAIC"
    ],
    "ImagingFrequency": 123.261,
    "InPlanePhaseEncodingDirectionDICOM": "COL",
    "InstitutionAddress": "Hillhouse Ave. 10,New Haven ,Northeast,US,06519",
    "InstitutionName": "Yale University - Dunham Lab. Bldg.",
    "InstitutionalDepartmentName": "Department",
    "MRAcquisitionType": "2D",
    "MagneticFieldStrength": 3,
    "Manufacturer": "Siemens",
    "ManufacturersModelName": "Prisma",
    "Modality": "MR",
    "MultibandAccelerationFactor": 8,
    "PartialFourier": 1,
    "PatientPosition": "HFS",
    "PercentPhaseFOV": 100,
    "PercentSampling": 100,
    "PhaseEncodingDirection": "j",
    "PhaseEncodingSteps": 104,
    "PhaseResolution": 1,
    "PixelBandwidth": 2290,
    "ProcedureStepDescription": "PCY",
    "ProtocolName": "Stroop_BI2_PA",
    "PulseSequenceDetails": "%CustomerSeq%\\hcp_mbep2d_bold",
    "ReceiveCoilActiveElements": "HC1-7;NC1,2",
    "ReceiveCoilName": "HeadNeck_64",
    "ReconMatrixPE": 104,
    "RepetitionTime": 0.8,
    "SAR": 0.0787413,
    "ScanOptions": "FS\\EXT",
    "ScanningSequence": "EP",
    "SequenceName": "epfid2d1_104",
    "SequenceVariant": "SK\\SS",
    "SeriesDescription": "Stroop_BI2_PA",
    "SeriesNumber": 29,
    "ShimSetting": [
        -2143,
        -660,
        -3960,
        348,
        -42,
        -152,
        178,
        91
    ],
    "SliceThickness": 2,
    "SliceTiming": [
        0,
        0.4325,
        0.085,
        0.52,
        0.1725,
        0.605,
        0.26,
        0.6925,
        0.345,
        0,
        0.4325,
        0.085,
        0.52,
        0.1725,
        0.605,
        0.26,
        0.6925,
        0.345,
        0,
        0.4325,
        0.085,
        0.52,
        0.1725,
        0.605,
        0.26,
        0.6925,
        0.345,
        0,
        0.4325,
        0.085,
        0.52,
        0.1725,
        0.605,
        0.26,
        0.6925,
        0.345,
        0,
        0.4325,
        0.085,
        0.52,
        0.1725,
        0.605,
        0.26,
        0.6925,
        0.345,
        0,
        0.4325,
        0.085,
        0.52,
        0.1725,
        0.605,
        0.26,
        0.6925,
        0.345,
        0,
        0.4325,
        0.085,
        0.52,
        0.1725,
        0.605,
        0.26,
        0.6925,
        0.345,
        0,
        0.4325,
        0.085,
        0.52,
        0.1725,
        0.605,
        0.26,
        0.6925,
        0.345
    ],
    "SoftwareVersions": "syngo MR E11",
    "SpacingBetweenSlices": 2,
    "StationName": "AWP166095",
    "TaskName": "stroopPA",
    "TotalReadoutTime": 0.0597409,
    "TxRefAmp": 304.814,
    "WipMemBlock": "6afaf01c-a3c2-4bd5-9891-2cfd081f743c||Sequence: ve11c/HCP_R015pre1 r/5139a44c; Oct 20 2020 17:11:32 by eja"
}