{
    "Modality":"MR",
    "MagneticFieldStrength":3,
    "ImagingFrequency":123.257,
    "Manufacturer":"Siemens",
    "ManufacturersModelName":"Prisma",
    "DeviceSerialNumber":"66094",
    "BodyPartExamined":"BRAIN",
    "PatientPosition":"HFS",
    "ProcedureStepDescription":"MRI RESEARCH",
    "SoftwareVersions":"syngo MR E11",
    "MRAcquisitionType":"3D",
    "SeriesDescription":"T1_MEMPRAGE_GSP_vNavTrk RMS",
    "ProtocolName":"T1_MEMPRAGE_GSP_vNavTrk",
    "ScanningSequence":"GR\\IR",
    "SequenceVariant":"SK\\SP\\MP",
    "ScanOptions":"IR\\PFP",
    "SequenceName":"tfl3d4_16ns",
    "ImageType":[
        "ORIGINAL",
        "PRIMARY",
        "OTHER",
        "ND",
        "NORM",
        "MEAN"
    ],
    "SeriesNumber":12,
    "AcquisitionTime":"16:32:29.622500",
    "AcquisitionNumber":1,
    "SliceThickness":1.2,
    "SAR":0.0412999,
    "NumberOfAverages":4,
    "EchoTime":0.00157,
    "RepetitionTime":2.2,
    "InversionTime":1.1,
    "FlipAngle":7,
    "PartialFourier":0.75,
    "BaseResolution":192,
    "ShimSetting":[
        2841,
        -11859,
        -5708,
        453,
        -87,
        49,
        -4,
        28
    ],
    "TxRefAmp":208.11,
    "PhaseResolution":1,
    "ReceiveCoilName":"HeadNeck_64",
    "ReceiveCoilActiveElements":"HC1-7;NC1,2",
    "PulseSequenceDetails":"%CustomerSeq%\\tfl_mgh_epinav_ABCD",
    "WipMemBlock":"Prisma_epi_moco_navigator_ABCD_tfl.prot",
    "RefLinesPE":32,
    "ConsistencyInfo":"N4_VE11C_LATEST_20160120",
    "PercentPhaseFOV":100,
    "PercentSampling":100,
    "PhaseEncodingSteps":145,
    "AcquisitionMatrixPE":192,
    "ReconMatrixPE":192,
    "ParallelReductionFactorInPlane":4,
    "PixelBandwidth":650,
    "DwellTime":4e-06,
    "ImageOrientationPatientDICOM":[
        -0.0279529,
        0.960616,
        -0.276471,
        0.00171622,
        -0.276533,
        -0.961003
    ],
    "InPlanePhaseEncodingDirectionDICOM":"ROW",
    "ConversionSoftware":"dcm2niix",
    "ConversionSoftwareVersion":"v1.0.20210317"
}