{
    "Modality":"MR",
    "MagneticFieldStrength":3,
    "ImagingFrequency":123.258,
    "Manufacturer":"Siemens",
    "ManufacturersModelName":"Prisma",
    "InstitutionName":"MCL",
    "InstitutionalDepartmentName":"Department",
    "InstitutionAddress":"Mill Street 115,Belmont,Boston,US,02478",
    "DeviceSerialNumber":"66094",
    "StationName":"AWP66094",
    "BodyPartExamined":"BRAIN",
    "PatientPosition":"HFS",
    "ProcedureStepDescription":"MRI RESEARCH",
    "SoftwareVersions":"syngo MR E11",
    "MRAcquisitionType":"2D",
    "SeriesDescription":"Stroop_BI1_AP",
    "ProtocolName":"Stroop_BI1_AP",
    "ScanningSequence":"EP",
    "SequenceVariant":"SK\\SS",
    "ScanOptions":"FS\\EXT",
    "SequenceName":"epfid2d1_104",
    "ImageType":[
        "ORIGINAL",
        "PRIMARY",
        "M",
        "MB",
        "ND",
        "MOSAIC"
    ],
    "SeriesNumber":26,
    "AcquisitionTime":"16:33:32.840000",
    "AcquisitionNumber":1,
    "ImageComments":"Unaliased MB8/PE3/LB",
    "SliceThickness":2,
    "SpacingBetweenSlices":2,
    "SAR":0.0760441,
    "EchoTime":0.037,
    "RepetitionTime":0.8,
    "FlipAngle":52,
    "PartialFourier":1,
    "BaseResolution":104,
    "ShimSetting":[
        2840,
        -11867,
        -5810,
        578,
        -46,
        -52,
        -120,
        11
    ],
    "TxRefAmp":237.868,
    "PhaseResolution":1,
    "ReceiveCoilName":"HeadNeck_64",
    "ReceiveCoilActiveElements":"HC1-7;NC1,2",
    "PulseSequenceDetails":"%CustomerSeq%\\hcp_mbep2d_bold",
    "WipMemBlock":"5757f4cd-ea2c-4bcb-94cc-0a806cbb6f52||Sequence: R016 ve11c/master r/e634e98; Dec 19 2017 11:00:25 by eja",
    "ConsistencyInfo":"N4_VE11C_LATEST_20160120",
    "MultibandAccelerationFactor":8,
    "PercentPhaseFOV":100,
    "PercentSampling":100,
    "EchoTrainLength":104,
    "PhaseEncodingSteps":104,
    "AcquisitionMatrixPE":104,
    "ReconMatrixPE":104,
    "BandwidthPerPixelPhaseEncode":16.578,
    "EffectiveEchoSpacing":0.000580009,
    "DerivedVendorReportedEchoSpacing":0.000580009,
    "TotalReadoutTime":0.0597409,
    "PixelBandwidth":2290,
    "DwellTime":2.1e-06,
    "PhaseEncodingDirection":"j-",
    "SliceTiming":[
        0,
        0.4325,
        0.0875,
        0.52,
        0.1725,
        0.6075,
        0.26,
        0.6925,
        0.3475,
        0,
        0.4325,
        0.0875,
        0.52,
        0.1725,
        0.6075,
        0.26,
        0.6925,
        0.3475,
        0,
        0.4325,
        0.0875,
        0.52,
        0.1725,
        0.6075,
        0.26,
        0.6925,
        0.3475,
        0,
        0.4325,
        0.0875,
        0.52,
        0.1725,
        0.6075,
        0.26,
        0.6925,
        0.3475,
        0,
        0.4325,
        0.0875,
        0.52,
        0.1725,
        0.6075,
        0.26,
        0.6925,
        0.3475,
        0,
        0.4325,
        0.0875,
        0.52,
        0.1725,
        0.6075,
        0.26,
        0.6925,
        0.3475,
        0,
        0.4325,
        0.0875,
        0.52,
        0.1725,
        0.6075,
        0.26,
        0.6925,
        0.3475,
        0,
        0.4325,
        0.0875,
        0.52,
        0.1725,
        0.6075,
        0.26,
        0.6925,
        0.3475
    ],
    "ImageOrientationPatientDICOM":[
        0.998891,
        -0.0423941,
        0.0204707,
        0.0467571,
        0.944054,
        -0.32646
    ],
    "InPlanePhaseEncodingDirectionDICOM":"COL",
    "ConversionSoftware":"dcm2niix",
    "ConversionSoftwareVersion":"v1.0.20210317",
    "TaskName":"stroopAP"
}