{
    "AcquisitionMatrixPE": 104,
    "AcquisitionNumber": 1,
    "AcquisitionTime": "13:22:0.642500",
    "BandwidthPerPixelPhaseEncode": 16.578,
    "BaseResolution": 104,
    "BodyPartExamined": "BRAIN",
    "ConsistencyInfo": "N4_VE11C_LATEST_20160120",
    "ConversionSoftware": "dcm2niix",
    "ConversionSoftwareVersion": "v1.0.20210317",
    "DerivedVendorReportedEchoSpacing": 0.000580009,
    "DeviceSerialNumber": "166095",
    "DwellTime": 2.1e-06,
    "EchoTime": 0.037,
    "EchoTrainLength": 104,
    "EffectiveEchoSpacing": 0.000580009,
    "FlipAngle": 52,
    "ImageComments": "Unaliased MB8/PE3/LB",
    "ImageOrientationPatientDICOM": [
        0.991599,
        0.124127,
        -0.0363883,
        -0.12861,
        0.916057,
        -0.379867
    ],
    "ImageType": [
        "ORIGINAL",
        "PRIMARY",
        "M",
        "MB",
        "ND",
        "MOSAIC"
    ],
    "ImagingFrequency": 123.261,
    "InPlanePhaseEncodingDirectionDICOM": "COL",
    "InstitutionAddress": "Hillhouse Ave. 10,New Haven ,Northeast,US,06519",
    "InstitutionName": "Yale University - Dunham Lab. Bldg.",
    "InstitutionalDepartmentName": "Department",
    "MRAcquisitionType": "2D",
    "MagneticFieldStrength": 3,
    "Manufacturer": "Siemens",
    "ManufacturersModelName": "Prisma",
    "Modality": "MR",
    "MultibandAccelerationFactor": 8,
    "PartialFourier": 1,
    "PatientPosition": "HFS",
    "PercentPhaseFOV": 100,
    "PercentSampling": 100,
    "PhaseEncodingDirection": "j-",
    "PhaseEncodingSteps": 104,
    "PhaseResolution": 1,
    "PixelBandwidth": 2290,
    "ProcedureStepDescription": "Holmes^PCY",
    "ProtocolName": "rfMRI_REST_AP",
    "PulseSequenceDetails": "%CustomerSeq%\\hcp_mbep2d_bold",
    "ReceiveCoilActiveElements": "HC1-7;NC1,2",
    "ReceiveCoilName": "HeadNeck_64",
    "ReconMatrixPE": 104,
    "RepetitionTime": 0.8,
    "SAR": 0.0527558,
    "ScanOptions": "FS\\EXT",
    "ScanningSequence": "EP",
    "SequenceName": "epfid2d1_104",
    "SequenceVariant": "SK\\SS",
    "SeriesDescription": "rfMRI_REST_AP",
    "SeriesNumber": 29,
    "ShimSetting": [
        -2148,
        -638,
        -3964,
        389,
        68,
        346,
        36,
        38
    ],
    "SliceThickness": 2,
    "SliceTiming": [
        0,
        0.4325,
        0.085,
        0.52,
        0.1725,
        0.605,
        0.26,
        0.6925,
        0.345,
        0,
        0.4325,
        0.085,
        0.52,
        0.1725,
        0.605,
        0.26,
        0.6925,
        0.345,
        0,
        0.4325,
        0.085,
        0.52,
        0.1725,
        0.605,
        0.26,
        0.6925,
        0.345,
        0,
        0.4325,
        0.085,
        0.52,
        0.1725,
        0.605,
        0.26,
        0.6925,
        0.345,
        0,
        0.4325,
        0.085,
        0.52,
        0.1725,
        0.605,
        0.26,
        0.6925,
        0.345,
        0,
        0.4325,
        0.085,
        0.52,
        0.1725,
        0.605,
        0.26,
        0.6925,
        0.345,
        0,
        0.4325,
        0.085,
        0.52,
        0.1725,
        0.605,
        0.26,
        0.6925,
        0.345,
        0,
        0.4325,
        0.085,
        0.52,
        0.1725,
        0.605,
        0.26,
        0.6925,
        0.345
    ],
    "SoftwareVersions": "syngo MR E11",
    "SpacingBetweenSlices": 2,
    "StationName": "AWP166095",
    "TaskName": "restAP",
    "TotalReadoutTime": 0.0597409,
    "TxRefAmp": 237.029,
    "WipMemBlock": "0e5a8870-c520-453e-b4cf-a03a48486d79||Sequence: ve11c/master r/5b0256d+; Dec  9 2016 09:38:51 by eja"
}