{
    "AcquisitionMatrixPE": 104,
    "AcquisitionNumber": 1,
    "AcquisitionTime": "09:58:7.905000",
    "BandwidthPerPixelPhaseEncode": 16.578,
    "BaseResolution": 104,
    "BodyPartExamined": "BRAIN",
    "ConsistencyInfo": "N4_VE11C_LATEST_20160120",
    "ConversionSoftware": "dcm2niix",
    "ConversionSoftwareVersion": "v1.0.20210317",
    "DerivedVendorReportedEchoSpacing": 0.000580009,
    "DeviceSerialNumber": "66094",
    "DwellTime": 2.1e-06,
    "EchoTime": 0.037,
    "EchoTrainLength": 104,
    "EffectiveEchoSpacing": 0.000580009,
    "FlipAngle": 52,
    "ImageComments": "Unaliased MB8/PE3/LB",
    "ImageOrientationPatientDICOM": [
        0.999396,
        -0.0185336,
        0.0293878,
        0.0245993,
        0.974782,
        -0.2218
    ],
    "ImageType": [
        "ORIGINAL",
        "PRIMARY",
        "M",
        "MB",
        "ND",
        "MOSAIC"
    ],
    "ImagingFrequency": 123.258,
    "InPlanePhaseEncodingDirectionDICOM": "COL",
    "InstitutionAddress": "Mill Street 115,Belmont,Boston,US,02478",
    "InstitutionName": "MCL",
    "InstitutionalDepartmentName": "Department",
    "MRAcquisitionType": "2D",
    "MagneticFieldStrength": 3,
    "Manufacturer": "Siemens",
    "ManufacturersModelName": "Prisma",
    "Modality": "MR",
    "MultibandAccelerationFactor": 8,
    "PartialFourier": 1,
    "PatientPosition": "HFS",
    "PercentPhaseFOV": 100,
    "PercentSampling": 100,
    "PhaseEncodingDirection": "j-",
    "PhaseEncodingSteps": 104,
    "PhaseResolution": 1,
    "PixelBandwidth": 2290,
    "ProcedureStepDescription": "MRI RESEARCH",
    "ProtocolName": "Stroop_BI1_AP",
    "PulseSequenceDetails": "%CustomerSeq%\\hcp_mbep2d_bold",
    "ReceiveCoilActiveElements": "HC1-7;NC1,2",
    "ReceiveCoilName": "HeadNeck_64",
    "ReconMatrixPE": 104,
    "RepetitionTime": 0.8,
    "SAR": 0.0671634,
    "ScanOptions": "FS\\EXT",
    "ScanningSequence": "EP",
    "SequenceName": "epfid2d1_104",
    "SequenceVariant": "SK\\SS",
    "SeriesDescription": "Stroop_BI1_AP",
    "SeriesNumber": 26,
    "ShimSetting": [
        2863,
        -11894,
        -5770,
        559,
        34,
        14,
        -24,
        -9
    ],
    "SliceThickness": 2,
    "SliceTiming": [
        0,
        0.435,
        0.0875,
        0.52,
        0.175,
        0.6075,
        0.26,
        0.695,
        0.3475,
        0,
        0.435,
        0.0875,
        0.52,
        0.175,
        0.6075,
        0.26,
        0.695,
        0.3475,
        0,
        0.435,
        0.0875,
        0.52,
        0.175,
        0.6075,
        0.26,
        0.695,
        0.3475,
        0,
        0.435,
        0.0875,
        0.52,
        0.175,
        0.6075,
        0.26,
        0.695,
        0.3475,
        0,
        0.435,
        0.0875,
        0.52,
        0.175,
        0.6075,
        0.26,
        0.695,
        0.3475,
        0,
        0.435,
        0.0875,
        0.52,
        0.175,
        0.6075,
        0.26,
        0.695,
        0.3475,
        0,
        0.435,
        0.0875,
        0.52,
        0.175,
        0.6075,
        0.26,
        0.695,
        0.3475,
        0,
        0.435,
        0.0875,
        0.52,
        0.175,
        0.6075,
        0.26,
        0.695,
        0.3475
    ],
    "SoftwareVersions": "syngo MR E11",
    "SpacingBetweenSlices": 2,
    "StationName": "AWP66094",
    "TaskName": "stroopAP",
    "TotalReadoutTime": 0.0597409,
    "TxRefAmp": 245.638,
    "WipMemBlock": "7b252845-1f0c-4241-8c62-3933ccab07c2||Sequence: R016 ve11c/master r/e634e98; Dec 19 2017 11:00:25 by eja"
}