{
    "Modality":"MR",
    "MagneticFieldStrength":3,
    "ImagingFrequency":123.258,
    "Manufacturer":"Siemens",
    "ManufacturersModelName":"Prisma",
    "InstitutionName":"MCL",
    "InstitutionalDepartmentName":"Department",
    "InstitutionAddress":"Mill Street 115,Belmont,Boston,US,02478",
    "DeviceSerialNumber":"66094",
    "StationName":"AWP66094",
    "BodyPartExamined":"BRAIN",
    "PatientPosition":"HFS",
    "ProcedureStepDescription":"MRI RESEARCH",
    "SoftwareVersions":"syngo MR E11",
    "MRAcquisitionType":"3D",
    "SeriesDescription":"T1_MEMPRAGE_GSP_vNavTrk RMS",
    "ProtocolName":"T1_MEMPRAGE_GSP_vNavTrk",
    "ScanningSequence":"GR\\IR",
    "SequenceVariant":"SK\\SP\\MP",
    "ScanOptions":"IR\\PFP",
    "SequenceName":"tfl3d4_16ns",
    "ImageType":[
        "ORIGINAL",
        "PRIMARY",
        "OTHER",
        "ND",
        "NORM",
        "MEAN"
    ],
    "SeriesNumber":12,
    "AcquisitionTime":"13:28:9.227500",
    "AcquisitionNumber":1,
    "SliceThickness":1.2,
    "SAR":0.0391588,
    "NumberOfAverages":4,
    "EchoTime":0.00157,
    "RepetitionTime":2.2,
    "InversionTime":1.1,
    "FlipAngle":7,
    "PartialFourier":0.75,
    "BaseResolution":192,
    "ShimSetting":[
        2848,
        -11898,
        -5703,
        533,
        -5,
        -188,
        -159,
        -33
    ],
    "TxRefAmp":217.835,
    "PhaseResolution":1,
    "ReceiveCoilName":"HeadNeck_64",
    "ReceiveCoilActiveElements":"HC1-7;NC1,2",
    "PulseSequenceDetails":"%CustomerSeq%\\tfl_mgh_epinav_ABCD",
    "WipMemBlock":"Prisma_epi_moco_navigator_ABCD_tfl.prot",
    "RefLinesPE":32,
    "ConsistencyInfo":"N4_VE11C_LATEST_20160120",
    "PercentPhaseFOV":100,
    "PercentSampling":100,
    "PhaseEncodingSteps":145,
    "AcquisitionMatrixPE":192,
    "ReconMatrixPE":192,
    "ParallelReductionFactorInPlane":4,
    "PixelBandwidth":650,
    "DwellTime":4e-06,
    "ImageOrientationPatientDICOM":[
        0.0250188,
        0.928796,
        -0.369747,
        -0.0101234,
        -0.369608,
        -0.929133
    ],
    "InPlanePhaseEncodingDirectionDICOM":"ROW",
    "ConversionSoftware":"dcm2niix",
    "ConversionSoftwareVersion":"v1.0.20210317"
}