{
    "Modality":"MR",
    "MagneticFieldStrength":3,
    "ImagingFrequency":123.258,
    "Manufacturer":"Siemens",
    "ManufacturersModelName":"Prisma",
    "DeviceSerialNumber":"66094",
    "BodyPartExamined":"BRAIN",
    "PatientPosition":"HFS",
    "ProcedureStepDescription":"MRI RESEARCH",
    "SoftwareVersions":"syngo MR E11",
    "MRAcquisitionType":"2D",
    "SeriesDescription":"rfMRI_REST_AP",
    "ProtocolName":"rfMRI_REST_AP",
    "ScanningSequence":"EP",
    "SequenceVariant":"SK\\SS",
    "ScanOptions":"FS\\EXT",
    "SequenceName":"epfid2d1_104",
    "ImageType":[
        "ORIGINAL",
        "PRIMARY",
        "M",
        "MB",
        "ND",
        "MOSAIC"
    ],
    "SeriesNumber":20,
    "AcquisitionTime":"16:34:31.150000",
    "AcquisitionNumber":1,
    "SliceThickness":2,
    "SpacingBetweenSlices":2,
    "SAR":0.0664682,
    "EchoTime":0.037,
    "RepetitionTime":0.8,
    "FlipAngle":52,
    "PartialFourier":1,
    "BaseResolution":104,
    "ShimSetting":[
        2848,
        -11888,
        -5792,
        349,
        -71,
        -339,
        -124,
        21
    ],
    "TxRefAmp":257.838,
    "PhaseResolution":1,
    "ReceiveCoilName":"HeadNeck_64",
    "ReceiveCoilActiveElements":"HC1-7;NC1,2",
    "PulseSequenceDetails":"%CustomerSeq%\\hcp_mbep2d_bold",
    "WipMemBlock":"67ee61a2-11e6-4dc2-b71c-206f812cdedd||Sequence: ve11c/HCP_R015pre1 r/5139a44c; Oct 20 2020 17:11:32 by eja",
    "ConsistencyInfo":"N4_VE11C_LATEST_20160120",
    "MultibandAccelerationFactor":8,
    "PercentPhaseFOV":100,
    "PercentSampling":100,
    "EchoTrainLength":104,
    "PhaseEncodingSteps":104,
    "AcquisitionMatrixPE":104,
    "ReconMatrixPE":104,
    "BandwidthPerPixelPhaseEncode":16.578,
    "EffectiveEchoSpacing":0.000580009,
    "DerivedVendorReportedEchoSpacing":0.000580009,
    "TotalReadoutTime":0.0597409,
    "PixelBandwidth":2290,
    "DwellTime":2.1e-06,
    "PhaseEncodingDirection":"j-",
    "SliceTiming":[
        0,
        0.4325,
        0.0875,
        0.52,
        0.1725,
        0.6075,
        0.26,
        0.6925,
        0.3475,
        0,
        0.4325,
        0.0875,
        0.52,
        0.1725,
        0.6075,
        0.26,
        0.6925,
        0.3475,
        0,
        0.4325,
        0.0875,
        0.52,
        0.1725,
        0.6075,
        0.26,
        0.6925,
        0.3475,
        0,
        0.4325,
        0.0875,
        0.52,
        0.1725,
        0.6075,
        0.26,
        0.6925,
        0.3475,
        0,
        0.4325,
        0.0875,
        0.52,
        0.1725,
        0.6075,
        0.26,
        0.6925,
        0.3475,
        0,
        0.4325,
        0.0875,
        0.52,
        0.1725,
        0.6075,
        0.26,
        0.6925,
        0.3475,
        0,
        0.4325,
        0.0875,
        0.52,
        0.1725,
        0.6075,
        0.26,
        0.6925,
        0.3475,
        0,
        0.4325,
        0.0875,
        0.52,
        0.1725,
        0.6075,
        0.26,
        0.6925,
        0.3475
    ],
    "ImageOrientationPatientDICOM":[
        0.998779,
        -0.0379009,
        0.0316837,
        0.0453543,
        0.957734,
        -0.284056
    ],
    "InPlanePhaseEncodingDirectionDICOM":"COL",
    "ConversionSoftware":"dcm2niix",
    "ConversionSoftwareVersion":"v1.0.20210317",
    "TaskName":"restAP"
}