{
    "AcquisitionMatrixPE": 104,
    "AcquisitionNumber": 1,
    "AcquisitionTime": "11:38:39.657500",
    "B0FieldIdentifier": "SpinEchoFieldMap_fmap",
    "BandwidthPerPixelPhaseEncode": 16.578,
    "BaseResolution": 104,
    "BodyPartExamined": "BRAIN",
    "ConsistencyInfo": "N4_VE11C_LATEST_20160120",
    "ConversionSoftware": "dcm2niix",
    "ConversionSoftwareVersion": "v1.0.20171215 (OpenJPEG build) GCC4.8.4",
    "DerivedVendorReportedEchoSpacing": 0.000580009,
    "DeviceSerialNumber": "66094",
    "DwellTime": 2.1e-06,
    "EchoTime": 0.066,
    "EchoTrainLength": 104,
    "EffectiveEchoSpacing": 0.000580009,
    "FlipAngle": 90,
    "ImageOrientationPatientDICOM": [
        0.99635,
        0.0853103,
        0.00301816,
        -0.0777146,
        0.921132,
        -0.381413
    ],
    "ImageType": [
        "ORIGINAL",
        "PRIMARY",
        "M",
        "ND",
        "MOSAIC"
    ],
    "InPlanePhaseEncodingDirectionDICOM": "COL",
    "InstitutionAddress": "Mill_Street_115_Belmont_Boston_US_02478",
    "InstitutionName": "MCL",
    "InstitutionalDepartmentName": "Department",
    "MRAcquisitionType": "2D",
    "MagneticFieldStrength": 3,
    "Manufacturer": "Siemens",
    "ManufacturersModelName": "Prisma",
    "Modality": "MR",
    "PartialFourier": 1,
    "PatientPosition": "HFS",
    "PercentPhaseFOV": 100,
    "PhaseEncodingDirection": "j",
    "PhaseEncodingSteps": 104,
    "PhaseResolution": 1,
    "PixelBandwidth": 2290,
    "ProcedureStepDescription": "MRI_RESEARCH",
    "ProtocolName": "SpinEchoFieldMap_PA",
    "PulseSequenceDetails": "%CustomerSeq%_hcp_mbep2d_se",
    "ReceiveCoilActiveElements": "HC1-7;NC1,2",
    "ReceiveCoilName": "HeadNeck_64",
    "ReconMatrixPE": 104,
    "RepetitionTime": 8,
    "SAR": 0.140019,
    "ScanOptions": "FS",
    "ScanningSequence": "EP",
    "SequenceName": "epse2d1_104",
    "SequenceVariant": "SK",
    "SeriesDescription": "SpinEchoFieldMap_PA",
    "SeriesNumber": 18,
    "ShimSetting": [
        2841,
        -11890,
        -5724,
        346,
        -37,
        91,
        125,
        18
    ],
    "SliceThickness": 2,
    "SliceTiming": [
        3.99,
        0,
        4.1025,
        0.1125,
        4.2125,
        0.2225,
        4.3225,
        0.3325,
        4.435,
        0.445,
        4.545,
        0.555,
        4.655,
        0.665,
        4.7675,
        0.7775,
        4.8775,
        0.8875,
        4.9875,
        0.9975,
        5.1,
        1.11,
        5.21,
        1.22,
        5.32,
        1.33,
        5.4325,
        1.4425,
        5.5425,
        1.5525,
        5.6525,
        1.6625,
        5.765,
        1.775,
        5.875,
        1.885,
        5.985,
        1.995,
        6.0975,
        2.1075,
        6.2075,
        2.2175,
        6.3175,
        2.3275,
        6.43,
        2.44,
        6.54,
        2.55,
        6.65,
        2.66,
        6.7625,
        2.7725,
        6.8725,
        2.8825,
        6.9825,
        2.9925,
        7.095,
        3.105,
        7.205,
        3.215,
        7.315,
        3.325,
        7.4275,
        3.4375,
        7.5375,
        3.5475,
        7.6475,
        3.6575,
        7.76,
        3.77,
        7.87,
        3.88
    ],
    "SoftwareVersions": "syngo_MR_E11",
    "SpacingBetweenSlices": 2,
    "StationName": "AWP66094",
    "TotalReadoutTime": 0.0597409,
    "TxRefAmp": 255.867,
    "VendorReportedEchoSpacing": 0.00058
}