{
    "Modality":"MR",
    "MagneticFieldStrength":3,
    "ImagingFrequency":123.261,
    "Manufacturer":"Siemens",
    "ManufacturersModelName":"Prisma",
    "InstitutionName":"Yale University - Dunham Lab. Bldg.",
    "InstitutionalDepartmentName":"Department",
    "InstitutionAddress":"Hillhouse Ave. 10,New Haven ,Northeast,US,06519",
    "DeviceSerialNumber":"166095",
    "StationName":"AWP166095",
    "BodyPartExamined":"BRAIN",
    "PatientPosition":"HFS",
    "ProcedureStepDescription":"PCY",
    "SoftwareVersions":"syngo MR E11",
    "MRAcquisitionType":"2D",
    "SeriesDescription":"Hammer_Bl1_AP",
    "ProtocolName":"Hammer_Bl1_AP",
    "ScanningSequence":"EP",
    "SequenceVariant":"SK\\SS",
    "ScanOptions":"FS\\EXT",
    "SequenceName":"epfid2d1_104",
    "ImageType":[
        "ORIGINAL",
        "PRIMARY",
        "M",
        "MB",
        "ND",
        "MOSAIC"
    ],
    "SeriesNumber":32,
    "AcquisitionTime":"10:00:52.512500",
    "AcquisitionNumber":1,
    "ImageComments":"Unaliased MB8/PE3/LB",
    "SliceThickness":2,
    "SpacingBetweenSlices":2,
    "SAR":0.0555318,
    "EchoTime":0.037,
    "RepetitionTime":0.8,
    "FlipAngle":52,
    "PartialFourier":1,
    "BaseResolution":104,
    "ShimSetting":[
        -2114,
        -559,
        -4068,
        403,
        2,
        -111,
        -40,
        55
    ],
    "TxRefAmp":240.841,
    "PhaseResolution":1,
    "ReceiveCoilName":"HeadNeck_64",
    "ReceiveCoilActiveElements":"HC1-7;NC1,2",
    "PulseSequenceDetails":"%CustomerSeq%\\cmrr_mbep2d_bold",
    "WipMemBlock":"4815e4bc-aab6-4752-a20f-4441f1710235||Sequence: R016 ve11c/master r/e634e98; Dec 19 2017 11:00:25 by eja",
    "ConsistencyInfo":"N4_VE11C_LATEST_20160120",
    "MultibandAccelerationFactor":8,
    "PercentPhaseFOV":100,
    "PercentSampling":100,
    "EchoTrainLength":104,
    "PhaseEncodingSteps":104,
    "AcquisitionMatrixPE":104,
    "ReconMatrixPE":104,
    "BandwidthPerPixelPhaseEncode":16.578,
    "EffectiveEchoSpacing":0.000580009,
    "DerivedVendorReportedEchoSpacing":0.000580009,
    "TotalReadoutTime":0.0597409,
    "PixelBandwidth":2290,
    "DwellTime":2.1e-06,
    "PhaseEncodingDirection":"j-",
    "SliceTiming":[
        0,
        0.4325,
        0.085,
        0.52,
        0.1725,
        0.605,
        0.26,
        0.6925,
        0.345,
        0,
        0.4325,
        0.085,
        0.52,
        0.1725,
        0.605,
        0.26,
        0.6925,
        0.345,
        0,
        0.4325,
        0.085,
        0.52,
        0.1725,
        0.605,
        0.26,
        0.6925,
        0.345,
        0,
        0.4325,
        0.085,
        0.52,
        0.1725,
        0.605,
        0.26,
        0.6925,
        0.345,
        0,
        0.4325,
        0.085,
        0.52,
        0.1725,
        0.605,
        0.26,
        0.6925,
        0.345,
        0,
        0.4325,
        0.085,
        0.52,
        0.1725,
        0.605,
        0.26,
        0.6925,
        0.345,
        0,
        0.4325,
        0.085,
        0.52,
        0.1725,
        0.605,
        0.26,
        0.6925,
        0.345,
        0,
        0.4325,
        0.085,
        0.52,
        0.1725,
        0.605,
        0.26,
        0.6925,
        0.345
    ],
    "ImageOrientationPatientDICOM":[
        0.999845,
        0.00960106,
        -0.0147319,
        -0.0146595,
        0.917792,
        -0.396791
    ],
    "InPlanePhaseEncodingDirectionDICOM":"COL",
    "ConversionSoftware":"dcm2niix",
    "ConversionSoftwareVersion":"v1.0.20210317",
    "TaskName":"hammerAP"
}