{
    "AcquisitionMatrixPE": 104,
    "AcquisitionNumber": 1,
    "AcquisitionTime": "12:52:48.220000",
    "B0FieldIdentifier": "SpinEchoFieldMap_fmap",
    "BandwidthPerPixelPhaseEncode": 16.578,
    "BaseResolution": 104,
    "BodyPartExamined": "BRAIN",
    "ConsistencyInfo": "N4_VE11C_LATEST_20160120",
    "ConversionSoftware": "dcm2niix",
    "ConversionSoftwareVersion": "v1.0.20171215 (OpenJPEG build) GCC4.8.4",
    "DerivedVendorReportedEchoSpacing": 0.000580009,
    "DeviceSerialNumber": "66094",
    "DwellTime": 2.1e-06,
    "EchoTime": 0.066,
    "EchoTrainLength": 104,
    "EffectiveEchoSpacing": 0.000580009,
    "FlipAngle": 90,
    "ImageOrientationPatientDICOM": [
        0.99756,
        0.0697892,
        -0.00206677,
        -0.0643345,
        0.907284,
        -0.415568
    ],
    "ImageType": [
        "ORIGINAL",
        "PRIMARY",
        "M",
        "ND",
        "MOSAIC"
    ],
    "InPlanePhaseEncodingDirectionDICOM": "COL",
    "InstitutionAddress": "Mill_Street_115_Belmont_Boston_US_02478",
    "InstitutionName": "MCL",
    "InstitutionalDepartmentName": "Department",
    "MRAcquisitionType": "2D",
    "MagneticFieldStrength": 3,
    "Manufacturer": "Siemens",
    "ManufacturersModelName": "Prisma",
    "Modality": "MR",
    "PartialFourier": 1,
    "PatientPosition": "HFS",
    "PercentPhaseFOV": 100,
    "PhaseEncodingDirection": "j-",
    "PhaseEncodingSteps": 104,
    "PhaseResolution": 1,
    "PixelBandwidth": 2290,
    "ProcedureStepDescription": "MRI_RESEARCH",
    "ProtocolName": "SpinEchoFieldMap_AP",
    "PulseSequenceDetails": "%CustomerSeq%_hcp_mbep2d_se",
    "ReceiveCoilActiveElements": "HC1-7",
    "ReceiveCoilName": "HeadNeck_64",
    "ReconMatrixPE": 104,
    "RepetitionTime": 8,
    "SAR": 0.129831,
    "ScanOptions": "FS",
    "ScanningSequence": "EP",
    "SequenceName": "epse2d1_104",
    "SequenceVariant": "SK",
    "SeriesDescription": "SpinEchoFieldMap_AP",
    "SeriesNumber": 18,
    "ShimSetting": [
        2856,
        -11895,
        -5756,
        243,
        -15,
        -441,
        -8,
        43
    ],
    "SliceThickness": 2,
    "SliceTiming": [
        3.9875,
        0,
        4.1,
        0.11,
        4.21,
        0.22,
        4.32,
        0.3325,
        4.4325,
        0.4425,
        4.5425,
        0.5525,
        4.6525,
        0.665,
        4.765,
        0.775,
        4.875,
        0.885,
        4.985,
        0.9975,
        5.0975,
        1.1075,
        5.2075,
        1.2175,
        5.3175,
        1.33,
        5.43,
        1.44,
        5.54,
        1.55,
        5.65,
        1.66,
        5.7625,
        1.7725,
        5.8725,
        1.8825,
        5.9825,
        1.9925,
        6.095,
        2.105,
        6.205,
        2.215,
        6.315,
        2.325,
        6.4275,
        2.4375,
        6.5375,
        2.5475,
        6.6475,
        2.6575,
        6.76,
        2.77,
        6.87,
        2.88,
        6.98,
        2.99,
        7.0925,
        3.1025,
        7.2025,
        3.2125,
        7.3125,
        3.3225,
        7.425,
        3.435,
        7.535,
        3.545,
        7.645,
        3.655,
        7.7575,
        3.7675,
        7.8675,
        3.8775
    ],
    "SoftwareVersions": "syngo_MR_E11",
    "SpacingBetweenSlices": 2,
    "StationName": "AWP66094",
    "TotalReadoutTime": 0.0597409,
    "TxRefAmp": 231.296,
    "VendorReportedEchoSpacing": 0.00058
}