{
    "Modality":"MR",
    "MagneticFieldStrength":3,
    "ImagingFrequency":123.251,
    "Manufacturer":"Siemens",
    "ManufacturersModelName":"Prisma",
    "DeviceSerialNumber":"66094",
    "BodyPartExamined":"BRAIN",
    "PatientPosition":"HFS",
    "ProcedureStepDescription":"MRI RESEARCH",
    "SoftwareVersions":"syngo MR E11",
    "MRAcquisitionType":"3D",
    "SeriesDescription":"T2_SPACE_GSP_vNavTrk",
    "ProtocolName":"T2_SPACE_GSP_vNavTrk",
    "ScanningSequence":"SE",
    "SequenceVariant":"SK\\SP",
    "ScanOptions":"PFP",
    "SequenceName":"spc_212ns",
    "ImageType":[
        "ORIGINAL",
        "PRIMARY",
        "M",
        "ND",
        "NORM"
    ],
    "SeriesNumber":16,
    "AcquisitionTime":"13:39:47.445000",
    "AcquisitionNumber":1,
    "SliceThickness":1.2,
    "SAR":0.188422,
    "EchoTime":0.326,
    "RepetitionTime":2.8,
    "FlipAngle":120,
    "PartialFourier":1,
    "BaseResolution":192,
    "ShimSetting":[
        1619,
        -10023,
        -4020,
        303,
        0,
        -539,
        -57,
        -68
    ],
    "TxRefAmp":243.124,
    "PhaseResolution":1,
    "ReceiveCoilName":"HeadNeck_64",
    "ReceiveCoilActiveElements":"HC1-7;NC1,2",
    "PulseSequenceDetails":"%CustomerSeq%\\tse_vfl_mgh_epinav_ABCD",
    "WipMemBlock":"Prisma_epi_moco_navigator_ABCD_tse_vfl.prot",
    "RefLinesPE":24,
    "ConsistencyInfo":"N4_VE11C_LATEST_20160120",
    "PercentPhaseFOV":100,
    "PercentSampling":100,
    "EchoTrainLength":199,
    "PhaseEncodingSteps":179,
    "AcquisitionMatrixPE":192,
    "ReconMatrixPE":192,
    "ParallelReductionFactorInPlane":2,
    "PixelBandwidth":650,
    "DwellTime":4e-06,
    "PhaseEncodingDirection":"i",
    "ImageOrientationPatientDICOM":[
        0.0500692,
        0.976852,
        -0.207976,
        0.0220182,
        -0.209266,
        -0.977611
    ],
    "InPlanePhaseEncodingDirectionDICOM":"ROW",
    "ConversionSoftware":"dcm2niix",
    "ConversionSoftwareVersion":"v1.0.20210317"
}