{
	"Modality": "MR",
	"MagneticFieldStrength": 3,
	"Manufacturer": "Siemens",
	"ManufacturersModelName": "Prisma",
	"InstitutionName": "MCL",
	"InstitutionalDepartmentName": "Department",
	"InstitutionAddress": "Mill_Street_115_Belmont_Boston_US_02478",
	"DeviceSerialNumber": "66094",
	"StationName": "AWP66094",
	"BodyPartExamined": "BRAIN",
	"PatientPosition": "HFS",
	"ProcedureStepDescription": "MRI_RESEARCH",
	"SoftwareVersions": "syngo_MR_E11",
	"MRAcquisitionType": "3D",
	"SeriesDescription": "T2_SPACE_GSP_vNavTrk",
	"ProtocolName": "T2_SPACE_GSP_vNavTrk",
	"ScanningSequence": "SE",
	"SequenceVariant": "SK_SP",
	"ScanOptions": "PFP",
	"SequenceName": "spc_212ns",
	"ImageType": ["ORIGINAL", "PRIMARY", "M", "ND", "NORM"],
	"SeriesNumber": 16,
	"AcquisitionTime": "10:18:13.475000",
	"AcquisitionNumber": 1,
	"SliceThickness": 1.2,
	"SAR": 0.171499,
	"EchoTime": 0.326,
	"RepetitionTime": 2.8,
	"FlipAngle": 120,
	"PartialFourier": 1,
	"BaseResolution": 192,
	"ShimSetting": [
		2838,
		-11930,
		-5771,
		339,
		-210,
		-359,
		-33,
		17	],
	"TxRefAmp": 220.118,
	"PhaseResolution": 1,
	"ReceiveCoilName": "HeadNeck_64",
	"ReceiveCoilActiveElements": "HC1-7",
	"PulseSequenceDetails": "%CustomerSeq%_tse_vfl_mgh_epinav_ABCD",
	"ConsistencyInfo": "N4_VE11C_LATEST_20160120",
	"PercentPhaseFOV": 100,
	"EchoTrainLength": 199,
	"PhaseEncodingSteps": 179,
	"AcquisitionMatrixPE": 192,
	"ReconMatrixPE": 192,
	"ParallelReductionFactorInPlane": 2,
	"PixelBandwidth": 650,
	"DwellTime": 4e-06,
	"ImageOrientationPatientDICOM": [
		-0.0389327,
		0.996168,
		0.0783231,
		0.05594,
		0.0804324,
		-0.995189	],
	"InPlanePhaseEncodingDirectionDICOM": "ROW",
	"ConversionSoftware": "dcm2niix",
	"ConversionSoftwareVersion": "v1.0.20171215 (OpenJPEG build) GCC4.8.4"
}
